{
	"Modality": "MR",
	"MagneticFieldStrength": 3,
	"ImagingFrequency": 127.753,
	"Manufacturer": "Philips",
	"ManufacturersModelName": "Ingenia",
	"DeviceSerialNumber": "42387",
	"StationName": "ENTERPRISE",
	"BodyPartExamined": "BRAIN",
	"PatientPosition": "HFS",
	"ProcedureStepDescription": "MR Brain Angiogram",
	"SoftwareVersions": "5.3.1\\5.3.1.1",
	"MRAcquisitionType": "3D",
	"SeriesDescription": "MRA TOF COW-HR RBH F/U 0.3mm iso",
	"ProtocolName": "MRA TOF COW-HR RBH F/U 0.3mm iso",
	"ScanningSequence": "GR",
	"SequenceVariant": "SP",
	"ScanOptions": "SP",
	"ImageType": ["ORIGINAL", "PRIMARY", "M", "FFE", "M", "FFE"],
	"SeriesNumber": 701,
	"AcquisitionTime": "09:22:56.710000",
	"AcquisitionNumber": 7,
	"PhilipsRescaleSlope": 1,
	"PhilipsRescaleIntercept": 0,
	"PhilipsScaleSlope": 0.0458872,
	"UsePhilipsFloatNotDisplayScaling": 1,
	"SliceThickness": 0.6,
	"SpacingBetweenSlices": 0.3,
	"SAR": 0.319324,
	"EchoTime": 0.003454,
	"RepetitionTime": 0.018,
	"FlipAngle": 18,
	"CoilString": "MULTI COIL",
	"PercentPhaseFOV": 100,
	"PercentSampling": 78.5398,
	"PhaseEncodingSteps": 276,
	"AcquisitionMatrixPE": 276,
	"ReconMatrixPE": 640,
	"AcquisitionDuration": 591.66,
	"PixelBandwidth": 288,
	"ImageOrientationPatientDICOM": [
		0.996102,
		-0.0555417,
		-0.0685291,
		0.0484456,
		0.993687,
		-0.101188	],
	"InPlanePhaseEncodingDirectionDICOM": "ROW",
	"ConversionSoftware": "dcm2niix",
	"ConversionSoftwareVersion": "v1.0.20220720"
}
