{
	"Modality": "MR",
	"MagneticFieldStrength": 3,
	"ImagingFrequency": 123.261,
	"Manufacturer": "Siemens",
	"ManufacturersModelName": "Skyra",
	"DeviceSerialNumber": "145324",
	"StationName": "AWP145324",
	"BodyPartExamined": "BRAIN",
	"PatientPosition": "HFS",
	"ProcedureStepDescription": "GP REF MR HEAD 16+",
	"SoftwareVersions": "syngo MR E11",
	"MRAcquisitionType": "3D",
	"SeriesDescription": "TOF_3D_multi-slab HR",
	"ProtocolName": "TOF_3D_multi-slab HR",
	"ScanningSequence": "GR",
	"SequenceVariant": "SP",
	"ScanOptions": "SAT1",
	"SequenceName": "*fl3d1r_t70",
	"ImageType": ["ORIGINAL", "PRIMARY", "M", "ND", "NORM", "SH3", "1", "FIL"],
	"NonlinearGradientCorrection": false,
	"SeriesNumber": 13,
	"AcquisitionTime": "12:04:30.802500",
	"AcquisitionNumber": 1,
	"SliceThickness": 0.6,
	"SpacingBetweenSlices": 15.6,
	"SAR": 0.410315,
	"EchoTime": 0.00329,
	"RepetitionTime": 0.021,
	"FlipAngle": 18,
	"PercentPhaseFOV": 75.5208,
	"PercentSampling": 90,
	"PhaseEncodingSteps": 260,
	"AcquisitionMatrixPE": 261,
	"ReconMatrixPE": 290,
	"PixelBandwidth": 215,
	"ImageOrientationPatientDICOM": [
		0.99333,
		-0.106312,
		0.04464,
		0.100899,
		0.988827,
		0.109729	],
	"InPlanePhaseEncodingDirectionDICOM": "ROW",
	"ConversionSoftware": "dcm2niix",
	"ConversionSoftwareVersion": "v1.0.20220720"
}
