{
	"Modality": "MR",
	"MagneticFieldStrength": 3,
	"ImagingFrequency": 123.26,
	"Manufacturer": "Siemens",
	"ManufacturersModelName": "TrioTim",
	"DeviceSerialNumber": "35270",
	"StationName": "RBWHMRTRIO",
	"PatientPosition": "HFS",
	"ProcedureStepDescription": "MR Head",
	"SoftwareVersions": "syngo MR B19",
	"MRAcquisitionType": "3D",
	"SeriesDescription": "TOF 3D MULTI-SLAB",
	"ProtocolName": "TOF 3D multi-slab",
	"ScanningSequence": "GR",
	"SequenceVariant": "TOF\\SP\\OSP",
	"ScanOptions": "PFP\\SAT1",
	"SequenceName": "*fl3d1r_t70",
	"ImageType": ["ORIGINAL", "PRIMARY", "M", "ND"],
	"NonlinearGradientCorrection": false,
	"SeriesNumber": 6,
	"AcquisitionTime": "10:20:58.375000",
	"AcquisitionNumber": 1,
	"ImageComments": "HC",
	"SliceThickness": 0.65,
	"SpacingBetweenSlices": 18.85,
	"SAR": 0.521419,
	"EchoTime": 0.00386,
	"RepetitionTime": 0.022,
	"SpoilingState": true,
	"FlipAngle": 18,
	"PercentPhaseFOV": 77.0833,
	"PercentSampling": 70,
	"PhaseEncodingSteps": 181,
	"AcquisitionMatrixPE": 207,
	"ReconMatrixPE": 296,
	"PixelBandwidth": 178,
	"ImageOrientationPatientDICOM": [
		0.999092,
		0.022676,
		0.0360729,
		-0.0279072,
		0.988009,
		0.151853	],
	"InPlanePhaseEncodingDirectionDICOM": "ROW",
	"ConversionSoftware": "dcm2niix",
	"ConversionSoftwareVersion": "v1.0.20220720"
}
