{
	"Modality": "MR",
	"MagneticFieldStrength": 3,
	"ImagingFrequency": 123.26,
	"Manufacturer": "Siemens",
	"ManufacturersModelName": "MAGNETOM Vida",
	"DeviceSerialNumber": "175683",
	"StationName": "AWP175683",
	"BodyPartExamined": "BRAIN",
	"PatientPosition": "HFS",
	"ProcedureStepDescription": "MR Brain",
	"SoftwareVersions": "syngo MR XA11",
	"MRAcquisitionType": "3D",
	"SeriesDescription": "tof_fl3d_tra",
	"ProtocolName": "tof_fl3d_tra",
	"TaskName": "ToFfi3d",
	"ScanningSequence": "GR",
	"SequenceVariant": "SK",
	"ScanOptions": "CG\\RG\\PER",
	"SequenceName": "*fl3d1r_t70",
	"ImageType": ["ORIGINAL", "PRIMARY", "M", "NORM", "DIS2D", "MFSPLIT"],
	"NonlinearGradientCorrection": true,
	"SeriesNumber": 10001,
	"AcquisitionTime": "14:36:42.070000",
	"AcquisitionNumber": 1,
	"SliceThickness": 0.4,
	"SpacingBetweenSlices": 0.4,
	"SAR": 0.628648,
	"EchoTime": 0.00401,
	"RepetitionTime": 0.021,
	"FlipAngle": 19,
	"CoilString": "HeadNeck_20_TCS",
	"PercentPhaseFOV": 95.3125,
	"PercentSampling": 90,
	"PhaseEncodingSteps": 220,
	"AcquisitionMatrixPE": 220,
	"ReconMatrixPE": 488,
	"PixelBandwidth": 186,
	"ImageOrientationPatientDICOM": [
		0.999531,
		0.0271759,
		-0.014115,
		-0.0265228,
		0.998654,
		0.0445623	],
	"InPlanePhaseEncodingDirectionDICOM": "ROW",
	"ConversionSoftware": "dcm2niix",
	"ConversionSoftwareVersion": "v1.0.20220720"
}
