{
	"Modality": "MR",
	"MagneticFieldStrength": 3,
	"ImagingFrequency": 127.753,
	"Manufacturer": "Philips",
	"ManufacturersModelName": "Ingenia",
	"DeviceSerialNumber": "42387",
	"StationName": "ENTERPRISE",
	"BodyPartExamined": "BRAIN",
	"PatientPosition": "HFS",
	"ProcedureStepDescription": "MR Brain Angiogram",
	"SoftwareVersions": "5.3.1\\5.3.1.1",
	"MRAcquisitionType": "3D",
	"SeriesDescription": "MRA TOF COW-HR RBH F/U 0.3mm iso",
	"ProtocolName": "MRA TOF COW-HR RBH F/U 0.3mm iso",
	"ScanningSequence": "GR",
	"SequenceVariant": "SP",
	"ScanOptions": "SP",
	"ImageType": ["ORIGINAL", "PRIMARY", "M", "FFE", "M", "FFE"],
	"SeriesNumber": 201,
	"AcquisitionTime": "11:09:54.380000",
	"AcquisitionNumber": 2,
	"PhilipsRescaleSlope": 1,
	"PhilipsRescaleIntercept": 0,
	"PhilipsScaleSlope": 0.0528917,
	"UsePhilipsFloatNotDisplayScaling": 1,
	"SliceThickness": 0.6,
	"SpacingBetweenSlices": 0.3,
	"SAR": 0.317408,
	"EchoTime": 0.003454,
	"RepetitionTime": 0.018,
	"FlipAngle": 18,
	"CoilString": "MULTI COIL",
	"PercentPhaseFOV": 100,
	"PercentSampling": 77.6473,
	"PhaseEncodingSteps": 262,
	"AcquisitionMatrixPE": 262,
	"ReconMatrixPE": 704,
	"AcquisitionDuration": 412.632,
	"PixelBandwidth": 290,
	"ImageOrientationPatientDICOM": [
		0.998244,
		-0.057468,
		0.0143401,
		0.0562741,
		0.995738,
		0.0730647	],
	"InPlanePhaseEncodingDirectionDICOM": "ROW",
	"ConversionSoftware": "dcm2niix",
	"ConversionSoftwareVersion": "v1.0.20220720"
}
