{
	"Modality": "MR",
	"MagneticFieldStrength": 1.5,
	"ImagingFrequency": 63.6623,
	"Manufacturer": "Siemens",
	"ManufacturersModelName": "DicomCleaner",
	"DeviceSerialNumber": "152101",
	"StationName": "DESKTOP-K2OR6LJ_",
	"BodyPartExamined": "HEART",
	"PatientPosition": "HFS",
	"ProcedureStepDescription": "MR Brain Angiogram",
	"SoftwareVersions": "Wed Dec 18 15:38:40 EST 2019",
	"MRAcquisitionType": "3D",
	"SeriesDescription": "TOF_3D_multi-slab_CoW",
	"ProtocolName": "TOF_3D_multi-slab_CoW",
	"ScanningSequence": "GR",
	"SequenceVariant": "SP\\OSP",
	"ScanOptions": "SAT1",
	"SequenceName": "*fl3d1r_t50",
	"ImageType": ["ORIGINAL", "PRIMARY", "M", "ND", "NORM"],
	"NonlinearGradientCorrection": false,
	"SeriesNumber": 5,
	"AcquisitionTime": "11:13:5.050000",
	"AcquisitionNumber": 1,
	"SliceThickness": 0.5,
	"SpacingBetweenSlices": 18,
	"SAR": 0.0925324,
	"EchoTime": 0.007,
	"RepetitionTime": 0.024,
	"FlipAngle": 25,
	"PercentPhaseFOV": 100,
	"PercentSampling": 94,
	"PhaseEncodingSteps": 241,
	"AcquisitionMatrixPE": 241,
	"ReconMatrixPE": 512,
	"PixelBandwidth": 100,
	"ImageOrientationPatientDICOM": [
		0.996771,
		0.0759303,
		-0.0261314,
		-0.0801983,
		0.924851,
		-0.371778	],
	"InPlanePhaseEncodingDirectionDICOM": "ROW",
	"ConversionSoftware": "dcm2niix",
	"ConversionSoftwareVersion": "v1.0.20220720"
}
