{
	"Modality": "MR",
	"MagneticFieldStrength": 3,
	"ImagingFrequency": 123.26,
	"Manufacturer": "Siemens",
	"ManufacturersModelName": "TrioTim",
	"DeviceSerialNumber": "35270",
	"StationName": "RBWHMRTRIO",
	"PatientPosition": "HFS",
	"ProcedureStepDescription": "MR Head",
	"SoftwareVersions": "syngo MR B19",
	"MRAcquisitionType": "3D",
	"SeriesDescription": "TOF 3D multi-slab",
	"ProtocolName": "TOF 3D multi-slab",
	"TaskName": "ToFfl3d",
	"ScanningSequence": "GR",
	"SequenceVariant": "TOF\\SP\\OSP",
	"ScanOptions": "PFP\\SAT1",
	"SequenceName": "*fl3d1r_t70",
	"ImageType": ["ORIGINAL", "PRIMARY", "M", "ND"],
	"NonlinearGradientCorrection": false,
	"SeriesNumber": 14,
	"AcquisitionTime": "15:32:52.735000",
	"AcquisitionNumber": 1,
	"ImageComments": "JMH",
	"SliceThickness": 0.65,
	"SpacingBetweenSlices": 18.85,
	"SAR": 0.689086,
	"EchoTime": 0.00386,
	"RepetitionTime": 0.022,
	"SpoilingState": true,
	"FlipAngle": 18,
	"PercentPhaseFOV": 75,
	"PercentSampling": 70,
	"PhaseEncodingSteps": 177,
	"AcquisitionMatrixPE": 202,
	"ReconMatrixPE": 288,
	"PixelBandwidth": 178,
	"ImageOrientationPatientDICOM": [
		0.997574,
		-0.0640665,
		-0.0272411,
		0.0645102,
		0.997793,
		0.0157333	],
	"InPlanePhaseEncodingDirectionDICOM": "ROW",
	"ConversionSoftware": "dcm2niix",
	"ConversionSoftwareVersion": "v1.0.20220720"
}
