{
	"Modality": "MR",
	"MagneticFieldStrength": 3,
	"ImagingFrequency": 127.753,
	"Manufacturer": "Philips",
	"ManufacturersModelName": "DicomCleaner",
	"DeviceSerialNumber": "42387",
	"BodyPartExamined": "BRAIN",
	"PatientPosition": "HFS",
	"ProcedureStepDescription": "MR Angiogram",
	"SoftwareVersions": "Wed Dec 18 15:38:40 EST 2019",
	"MRAcquisitionType": "3D",
	"SeriesDescription": "MRA TOF COW",
	"ProtocolName": "MRA TOF COW",
	"ScanningSequence": "GR",
	"SequenceVariant": "SP",
	"ScanOptions": "SP",
	"ImageType": ["ORIGINAL", "PRIMARY", "M", "FFE", "M", "FFE"],
	"SeriesNumber": 1001,
	"AcquisitionTime": "12:48:7.640000",
	"AcquisitionNumber": 10,
	"PhilipsRescaleSlope": 1,
	"PhilipsRescaleIntercept": 0,
	"PhilipsScaleSlope": 0.0456278,
	"UsePhilipsFloatNotDisplayScaling": 0,
	"SliceThickness": 1.2,
	"SpacingBetweenSlices": 0.6,
	"SAR": 0.345316,
	"EchoTime": 0.003454,
	"RepetitionTime": 0.018,
	"FlipAngle": 18,
	"CoilString": "MULTI COIL",
	"PercentPhaseFOV": 100,
	"PercentSampling": 78.2468,
	"PhaseEncodingSteps": 268,
	"AcquisitionMatrixPE": 268,
	"ReconMatrixPE": 720,
	"AcquisitionDuration": 229.41,
	"PixelBandwidth": 145,
	"ImageOrientationPatientDICOM": [
		0.991314,
		-0.124756,
		0.0416337,
		0.130364,
		0.890181,
		-0.436558	],
	"InPlanePhaseEncodingDirectionDICOM": "ROW",
	"ConversionSoftware": "dcm2niix",
	"ConversionSoftwareVersion": "v1.0.20220720"
}
