{
	"Modality": "MR",
	"MagneticFieldStrength": 3,
	"ImagingFrequency": 127.753,
	"Manufacturer": "Philips",
	"ManufacturersModelName": "DicomCleaner",
	"DeviceSerialNumber": "42387",
	"BodyPartExamined": "BRAIN",
	"PatientPosition": "HFS",
	"ProcedureStepDescription": "MR Brain Angiogram",
	"SoftwareVersions": "Thu Jun 10 06:10:25 EDT 2021",
	"MRAcquisitionType": "3D",
	"SeriesDescription": "MRA TOF COW",
	"ProtocolName": "MRA TOF COW",
	"ScanningSequence": "GR",
	"SequenceVariant": "SP",
	"ScanOptions": "SP",
	"ImageType": ["ORIGINAL", "PRIMARY", "M", "FFE", "M", "FFE"],
	"SeriesNumber": 801,
	"AcquisitionTime": "08:16:23.630000",
	"AcquisitionNumber": 8,
	"PhilipsRescaleSlope": 1,
	"PhilipsRescaleIntercept": 0,
	"PhilipsScaleSlope": 0.0848794,
	"UsePhilipsFloatNotDisplayScaling": 1,
	"SliceThickness": 1.2,
	"SpacingBetweenSlices": 0.6,
	"SAR": 0.354752,
	"EchoTime": 0.003454,
	"RepetitionTime": 0.018,
	"FlipAngle": 18,
	"CoilString": "MULTI COIL",
	"PercentPhaseFOV": 100,
	"PercentSampling": 78.1953,
	"PhaseEncodingSteps": 228,
	"AcquisitionMatrixPE": 228,
	"ReconMatrixPE": 800,
	"AcquisitionDuration": 164.232,
	"PixelBandwidth": 109,
	"ImageOrientationPatientDICOM": [
		0.997703,
		0.00189936,
		-0.0677186,
		-0.0149234,
		0.981214,
		-0.192346	],
	"InPlanePhaseEncodingDirectionDICOM": "ROW",
	"ConversionSoftware": "dcm2niix",
	"ConversionSoftwareVersion": "v1.0.20220720"
}
