{
	"Modality": "MR",
	"MagneticFieldStrength": 3,
	"ImagingFrequency": 123.26,
	"Manufacturer": "Siemens",
	"ManufacturersModelName": "DicomCleaner",
	"InstitutionAddress": " ,,,AU,",
	"DeviceSerialNumber": "175683",
	"BodyPartExamined": "BRAIN",
	"PatientPosition": "HFS",
	"ProcedureStepDescription": "Head Hi-res Angio",
	"SoftwareVersions": "Thu Jun 10 06:10:25 EDT 2021",
	"MRAcquisitionType": "3D",
	"SeriesDescription": "TOF_FL3D_TRA",
	"ProtocolName": "tof_fl3d_tra",
	"ScanningSequence": "GR",
	"SequenceVariant": "SK",
	"ScanOptions": "CG\\RG\\PER",
	"SequenceName": "*fl3d1r2",
	"ImageType": ["ORIGINAL", "PRIMARY", "M", "NORM", "DIS2D", "MFSPLIT"],
	"NonlinearGradientCorrection": true,
	"SeriesNumber": 10001,
	"AcquisitionTime": "12:57:4.757500",
	"AcquisitionNumber": 1,
	"SliceThickness": 0.5,
	"SpacingBetweenSlices": 0.5,
	"SAR": 0.52749,
	"EchoTime": 0.00401,
	"RepetitionTime": 0.02968,
	"FlipAngle": 19,
	"CoilString": "HeadNeck_20_TCS",
	"PercentPhaseFOV": 100,
	"PercentSampling": 90,
	"PhaseEncodingSteps": 230,
	"AcquisitionMatrixPE": 230,
	"ReconMatrixPE": 512,
	"PixelBandwidth": 186,
	"ImageOrientationPatientDICOM": [
		0.999463,
		0.0267662,
		0.0189045,
		-0.0244263,
		0.9931,
		-0.114695	],
	"InPlanePhaseEncodingDirectionDICOM": "ROW",
	"ConversionSoftware": "dcm2niix",
	"ConversionSoftwareVersion": "v1.0.20220720"
}
