{
	"Modality": "MR",
	"MagneticFieldStrength": 1.5,
	"ImagingFrequency": 63.9069,
	"Manufacturer": "GE",
	"ManufacturersModelName": "DicomCleaner",
	"BodyPartExamined": "HEAD",
	"PatientPosition": "HFS",
	"ProcedureStepDescription": "MRI Scan Head (No Rebate)",
	"SoftwareVersions": "Wed Dec 18 15:38:40 EST 2019",
	"MRAcquisitionType": "3D",
	"SeriesDescription": "MRA TOF M SLAB",
	"ProtocolName": "ROUTINE BRAIN",
	"ScanningSequence": "GR",
	"SequenceVariant": "SS\\SP",
	"ScanOptions": "FC\\SAT_GEMS\\EDR_GEMS\\MT_GEMS\\RAMP_IS_GEMS\\FILTERED_GEMS\\ACC_GEMS\\VASCTOF_GEMS\\PFF\\SP\\FS",
	"ImageType": ["ORIGINAL", "PRIMARY", "OTHER"],
	"SeriesNumber": 4,
	"AcquisitionTime": "10:48:42.000000",
	"AcquisitionNumber": 1,
	"SliceThickness": 1,
	"SpacingBetweenSlices": 0.5,
	"SAR": 1.33851,
	"EchoTime": 0.0033,
	"RepetitionTime": 0.024,
	"SpoilingState": true,
	"FlipAngle": 20,
	"CoilString": "Head 24",
	"PercentPhaseFOV": 94,
	"PercentSampling": 100,
	"AcquisitionMatrixPE": 224,
	"ReconMatrixPE": 512,
	"PixelBandwidth": 97.6562,
	"ImageOrientationPatientDICOM": [
		0.99264,
		-0.11036,
		0.0498715,
		0.114644,
		0.989019,
		-0.0932622	],
	"InPlanePhaseEncodingDirectionDICOM": "ROW",
	"ConversionSoftware": "dcm2niix",
	"ConversionSoftwareVersion": "v1.0.20220720"
}
