{
	"Modality": "MR",
	"MagneticFieldStrength": 3,
	"ImagingFrequency": 123.219,
	"Manufacturer": "Siemens",
	"ManufacturersModelName": "Skyra",
	"DeviceSerialNumber": "45153",
	"StationName": "QHNBRMR01",
	"BodyPartExamined": "BRAIN",
	"PatientPosition": "HFS",
	"ProcedureStepDescription": "MR Brain Angiogram",
	"SoftwareVersions": "syngo MR E11",
	"MRAcquisitionType": "3D",
	"SeriesDescription": "TOF_3D_MULTI-SLAB HI RES",
	"ProtocolName": "TOF_3D_multi-slab Hi res",
	"ScanningSequence": "GR",
	"SequenceVariant": "SP\\OSP",
	"ScanOptions": "SAT1",
	"SequenceName": "*fl3d1r_t70",
	"ImageType": ["ORIGINAL", "PRIMARY", "M", "ND", "NORM"],
	"NonlinearGradientCorrection": false,
	"SeriesNumber": 6,
	"AcquisitionTime": "19:07:41.967500",
	"AcquisitionNumber": 1,
	"SliceThickness": 0.32,
	"SpacingBetweenSlices": 10.24,
	"SAR": 0.541636,
	"EchoTime": 0.00358,
	"RepetitionTime": 0.021,
	"FlipAngle": 18,
	"PercentPhaseFOV": 90.625,
	"PercentSampling": 95,
	"PhaseEncodingSteps": 330,
	"AcquisitionMatrixPE": 331,
	"ReconMatrixPE": 696,
	"PixelBandwidth": 185,
	"ImageOrientationPatientDICOM": [
		0.999538,
		0.00771339,
		0.0293872,
		1.591e-12,
		0.967237,
		-0.253875	],
	"InPlanePhaseEncodingDirectionDICOM": "ROW",
	"ConversionSoftware": "dcm2niix",
	"ConversionSoftwareVersion": "v1.0.20220720"
}
