{
	"Modality": "MR",
	"MagneticFieldStrength": 3,
	"ImagingFrequency": 123.259,
	"Manufacturer": "Siemens",
	"ManufacturersModelName": "DicomCleaner",
	"DeviceSerialNumber": "196237",
	"BodyPartExamined": "BRAIN",
	"PatientPosition": "HFS",
	"ProcedureStepDescription": "Head Brain",
	"SoftwareVersions": "Wed Dec 18 15:38:40 EST 2019",
	"MRAcquisitionType": "3D",
	"SeriesDescription": "TOF_CS_ACC 0.7 RBH",
	"ProtocolName": "tof_cs_acc 0.7 rbh",
	"ScanningSequence": "GR",
	"SequenceVariant": "SK",
	"ScanOptions": "CG\\RG\\PER",
	"SequenceName": "*fl3d1r",
	"ImageType": ["ORIGINAL", "PRIMARY", "M", "NORM", "DIS2D", "MFSPLIT"],
	"NonlinearGradientCorrection": true,
	"SeriesNumber": 8,
	"AcquisitionTime": "11:45:3.930000",
	"AcquisitionNumber": 1,
	"SliceThickness": 0.7,
	"SpacingBetweenSlices": 0.7,
	"SAR": 0.517927,
	"EchoTime": 0.00369,
	"RepetitionTime": 0.021,
	"FlipAngle": 20,
	"CoilString": "HeadNeck_20_TCS",
	"PercentPhaseFOV": 90.4762,
	"PercentSampling": 98.9583,
	"PhaseEncodingSteps": 301,
	"AcquisitionMatrixPE": 301,
	"ReconMatrixPE": 304,
	"PixelBandwidth": 186,
	"ImageOrientationPatientDICOM": [
		0.994273,
		0.000840071,
		0.106869,
		0.010933,
		0.993923,
		-0.10953	],
	"InPlanePhaseEncodingDirectionDICOM": "ROW",
	"ConversionSoftware": "dcm2niix",
	"ConversionSoftwareVersion": "v1.0.20220720"
}
