{
	"Modality": "MR",
	"MagneticFieldStrength": 1.5,
	"ImagingFrequency": 63.8514,
	"Manufacturer": "GE",
	"ManufacturersModelName": "Signa HDxt",
	"DeviceSerialNumber": "0000000910279023",
	"StationName": "QXRTVLMR",
	"PatientPosition": "HFS",
	"ProcedureStepDescription": "MRI - Brain (Con/Anaes)",
	"SoftwareVersions": "15\\LX\\MR Software release:15.0_M4A_0947.a",
	"MRAcquisitionType": "3D",
	"SeriesDescription": "3DTOF 3 slab HR",
	"ProtocolName": "BRAIN - MRA MRV OPTIONS/",
	"ScanningSequence": "GR",
	"SequenceVariant": "SS\\SP",
	"ScanOptions": "FC\\SAT_GEMS\\RAMP_IS_GEMS\\FILTERED_GEMS\\ACC_GEMS\\VASCTOF_GEMS\\PFF\\SP\\FS",
	"ImageType": ["ORIGINAL", "PRIMARY", "OTHER"],
	"SeriesNumber": 10,
	"AcquisitionTime": "10:29:21.000000",
	"AcquisitionNumber": 1,
	"SliceThickness": 1.2,
	"SpacingBetweenSlices": 0.6,
	"SAR": 0.462762,
	"EchoTime": 0.0034,
	"RepetitionTime": 0.022,
	"SpoilingState": true,
	"FlipAngle": 20,
	"CoilString": "HNS NVHead",
	"PercentPhaseFOV": 100,
	"PercentSampling": 100,
	"AcquisitionMatrixPE": 224,
	"ReconMatrixPE": 512,
	"PixelBandwidth": 75.1172,
	"ImageOrientationPatientDICOM": [
		0.999897,
		0.00454718,
		0.0135806,
		-3.05174e-05,
		0.948875,
		-0.315651	],
	"InPlanePhaseEncodingDirectionDICOM": "ROW",
	"ConversionSoftware": "dcm2niix",
	"ConversionSoftwareVersion": "v1.0.20220720"
}
