{
	"Modality": "MR",
	"MagneticFieldStrength": 3,
	"ImagingFrequency": 123.202,
	"Manufacturer": "Siemens",
	"ManufacturersModelName": "DicomCleaner",
	"DeviceSerialNumber": "45588",
	"BodyPartExamined": "BRAIN",
	"PatientPosition": "HFS",
	"ProcedureStepDescription": "MR Brain Post Coil",
	"SoftwareVersions": "Wed Dec 18 15:38:40 EST 2019",
	"MRAcquisitionType": "3D",
	"SeriesDescription": "3D TOF MRA (HI RES)",
	"ProtocolName": "3D TOF MRA (Hi Res)",
	"ScanningSequence": "GR",
	"SequenceVariant": "SP\\OSP",
	"ScanOptions": "SAT1",
	"SequenceName": "*fl3d1r_t70",
	"ImageType": ["ORIGINAL", "PRIMARY", "M", "ND", "NORM"],
	"NonlinearGradientCorrection": false,
	"SeriesNumber": 3,
	"AcquisitionTime": "12:30:25.110000",
	"AcquisitionNumber": 1,
	"SliceThickness": 0.4,
	"SpacingBetweenSlices": 12.8,
	"SAR": 0.399117,
	"EchoTime": 0.00343,
	"RepetitionTime": 0.021,
	"FlipAngle": 18,
	"PercentPhaseFOV": 90.625,
	"PercentSampling": 95,
	"PhaseEncodingSteps": 331,
	"AcquisitionMatrixPE": 331,
	"ReconMatrixPE": 696,
	"PixelBandwidth": 185,
	"ImageOrientationPatientDICOM": [
		0.999962,
		0.000562534,
		0.00869868,
		5.366e-12,
		0.997916,
		-0.0645341	],
	"InPlanePhaseEncodingDirectionDICOM": "ROW",
	"ConversionSoftware": "dcm2niix",
	"ConversionSoftwareVersion": "v1.0.20220720"
}
