{
	"Modality": "MR",
	"MagneticFieldStrength": 3,
	"ImagingFrequency": 123.26,
	"Manufacturer": "Siemens",
	"ManufacturersModelName": "TrioTim",
	"DeviceSerialNumber": "35270",
	"StationName": "RBWHMRTRIO",
	"PatientPosition": "HFS",
	"ProcedureStepDescription": "MR Head",
	"SoftwareVersions": "syngo MR B19",
	"MRAcquisitionType": "3D",
	"SeriesDescription": "TOF 3D multi-slab",
	"ProtocolName": "TOF 3D multi-slab",
	"ScanningSequence": "GR",
	"SequenceVariant": "TOF\\SP\\OSP",
	"ScanOptions": "PFP\\SAT1",
	"SequenceName": "*fl3d1r_t70",
	"ImageType": ["ORIGINAL", "PRIMARY", "M", "ND"],
	"NonlinearGradientCorrection": false,
	"SeriesNumber": 13,
	"AcquisitionTime": "12:19:34.865000",
	"AcquisitionNumber": 1,
	"SliceThickness": 0.65,
	"SpacingBetweenSlices": 18.85,
	"SAR": 0.875434,
	"EchoTime": 0.00386,
	"RepetitionTime": 0.026,
	"SpoilingState": true,
	"FlipAngle": 18,
	"PercentPhaseFOV": 75,
	"PercentSampling": 70,
	"PhaseEncodingSteps": 177,
	"AcquisitionMatrixPE": 202,
	"ReconMatrixPE": 288,
	"PixelBandwidth": 178,
	"ImageOrientationPatientDICOM": [
		0.999847,
		-0.00176106,
		-0.0174041,
		-1.14704e-09,
		0.99492,
		-0.100672	],
	"InPlanePhaseEncodingDirectionDICOM": "ROW",
	"ConversionSoftware": "dcm2niix",
	"ConversionSoftwareVersion": "v1.0.20220720"
}
