{
	"Modality": "MR",
	"MagneticFieldStrength": 3,
	"ImagingFrequency": 123.262,
	"Manufacturer": "Siemens",
	"ManufacturersModelName": "DicomCleaner",
	"DeviceSerialNumber": "175720",
	"BodyPartExamined": "BRAIN",
	"PatientPosition": "HFS",
	"ProcedureStepDescription": "Brain Aneurysm Follow Up RBWH",
	"SoftwareVersions": "Wed Dec 18 15:38:40 EST 2019",
	"MRAcquisitionType": "3D",
	"SeriesDescription": "MRA",
	"ProtocolName": "MRA",
	"ScanningSequence": "GR",
	"SequenceVariant": "SK",
	"ScanOptions": "PFP\\PFF\\CG\\RG\\PER",
	"SequenceName": "*fl3d1r",
	"ImageType": ["ORIGINAL", "PRIMARY", "M", "NORM", "DIS2D", "MFSPLIT"],
	"NonlinearGradientCorrection": true,
	"SeriesNumber": 7001,
	"AcquisitionTime": "07:50:49.470000",
	"AcquisitionNumber": 1,
	"SliceThickness": 0.5,
	"SpacingBetweenSlices": 0.5,
	"SAR": 0.428338,
	"EchoTime": 0.0035,
	"RepetitionTime": 0.02,
	"FlipAngle": 15,
	"CoilString": "HeadNeck_20_TCS",
	"PercentPhaseFOV": 100,
	"PercentSampling": 94,
	"PhaseEncodingSteps": 241,
	"AcquisitionMatrixPE": 241,
	"ReconMatrixPE": 512,
	"PixelBandwidth": 199,
	"ImageOrientationPatientDICOM": [
		0.99292,
		0.0736451,
		-0.0931978,
		-0.0734382,
		0.997284,
		0.0056523	],
	"InPlanePhaseEncodingDirectionDICOM": "ROW",
	"ConversionSoftware": "dcm2niix",
	"ConversionSoftwareVersion": "v1.0.20220720"
}
