{
	"Modality": "MR",
	"MagneticFieldStrength": 3,
	"ImagingFrequency": 123.26,
	"Manufacturer": "Siemens",
	"ManufacturersModelName": "DicomCleaner",
	"DeviceSerialNumber": "35270",
	"PatientPosition": "HFS",
	"ProcedureStepDescription": "MR Head",
	"SoftwareVersions": "Wed Dec 18 15:38:40 EST 2019",
	"MRAcquisitionType": "3D",
	"SeriesDescription": "TOF 3D multi-slab",
	"ProtocolName": "TOF 3D multi-slab",
	"ScanningSequence": "GR",
	"SequenceVariant": "TOF\\SP\\OSP",
	"ScanOptions": "PFP\\SAT1",
	"SequenceName": "*fl3d1r_t70",
	"ImageType": ["ORIGINAL", "PRIMARY", "M", "ND"],
	"NonlinearGradientCorrection": false,
	"SeriesNumber": 10,
	"AcquisitionTime": "13:05:15.815000",
	"AcquisitionNumber": 1,
	"ImageComments": "AS",
	"SliceThickness": 0.7,
	"SpacingBetweenSlices": 21,
	"SAR": 0.460742,
	"EchoTime": 0.00386,
	"RepetitionTime": 0.022,
	"SpoilingState": true,
	"FlipAngle": 18,
	"PercentPhaseFOV": 75,
	"PercentSampling": 70,
	"PhaseEncodingSteps": 162,
	"AcquisitionMatrixPE": 202,
	"ReconMatrixPE": 288,
	"PixelBandwidth": 178,
	"ImageOrientationPatientDICOM": [
		0.999925,
		-0.0122186,
		0.000886411,
		0.012217,
		0.9892,
		-0.146064	],
	"InPlanePhaseEncodingDirectionDICOM": "ROW",
	"ConversionSoftware": "dcm2niix",
	"ConversionSoftwareVersion": "v1.0.20220720"
}
