{
	"Modality": "MR",
	"MagneticFieldStrength": 3,
	"ImagingFrequency": 123.26,
	"Manufacturer": "Siemens",
	"ManufacturersModelName": "DicomCleaner",
	"PatientPosition": "HFS",
	"ProcedureStepDescription": "MR Head",
	"MRAcquisitionType": "3D",
	"SeriesDescription": "TOF 3D multi-slab high-res",
	"ProtocolName": "TOF 3D multi-slab high-res",
	"ScanningSequence": "GR",
	"SequenceVariant": "TOF\\SP\\OSP",
	"ScanOptions": "PFP\\SAT1",
	"SequenceName": "*fl3d1r_t70",
	"ImageType": ["ORIGINAL", "PRIMARY", "M", "ND", "NORM"],
	"NonlinearGradientCorrection": false,
	"SeriesNumber": 6,
	"AcquisitionTime": "12:51:23.275000",
	"AcquisitionNumber": 1,
	"ImageComments": "AS",
	"SliceThickness": 0.3,
	"SAR": 0.478499,
	"EchoTime": 0.0042,
	"RepetitionTime": 0.02,
	"SpoilingState": true,
	"FlipAngle": 15,
	"PercentPhaseFOV": 100,
	"PercentSampling": 100,
	"PhaseEncodingSteps": 263,
	"AcquisitionMatrixPE": 256,
	"ReconMatrixPE": 512,
	"PixelBandwidth": 188,
	"ImageOrientationPatientDICOM": [
		0.999815,
		-0.0191055,
		0.00205721,
		0.0191974,
		0.98842,
		-0.150526	],
	"InPlanePhaseEncodingDirectionDICOM": "ROW",
	"ConversionSoftware": "dcm2niix",
	"ConversionSoftwareVersion": "v1.0.20220720"
}
