{
	"Modality": "MR",
	"MagneticFieldStrength": 3,
	"ImagingFrequency": 123.177,
	"Manufacturer": "Siemens",
	"ManufacturersModelName": "DicomCleaner",
	"DeviceSerialNumber": "40307",
	"StationName": "DESKTOP-K2OR6LJ_",
	"PatientPosition": "HFS",
	"ProcedureStepDescription": "MR Brain",
	"SoftwareVersions": "Wed Dec 18 15:38:40 EST 2019",
	"MRAcquisitionType": "3D",
	"SeriesDescription": "TOF_3D_multi-slab",
	"ProtocolName": "TOF_3D_multi-slab",
	"ScanningSequence": "GR",
	"SequenceVariant": "TOF\\SP\\OSP",
	"ScanOptions": "SAT1",
	"SequenceName": "*fl3d1r_t70",
	"ImageType": ["ORIGINAL", "PRIMARY", "M", "NORM", "DIS2D"],
	"NonlinearGradientCorrection": true,
	"SeriesNumber": 7,
	"AcquisitionTime": "15:31:45.110000",
	"AcquisitionNumber": 1,
	"SliceThickness": 0.5,
	"SpacingBetweenSlices": 16,
	"SAR": 0.409435,
	"EchoTime": 0.0036,
	"RepetitionTime": 0.021,
	"SpoilingState": true,
	"FlipAngle": 18,
	"PercentPhaseFOV": 90.625,
	"PercentSampling": 95,
	"PhaseEncodingSteps": 330,
	"AcquisitionMatrixPE": 331,
	"ReconMatrixPE": 696,
	"PixelBandwidth": 186,
	"ImageOrientationPatientDICOM": [
		0.999993,
		0.000242564,
		-0.00365307,
		1.94737e-10,
		0.997803,
		0.0662542	],
	"InPlanePhaseEncodingDirectionDICOM": "ROW",
	"ConversionSoftware": "dcm2niix",
	"ConversionSoftwareVersion": "v1.0.20220720"
}
