{
	"Modality": "MR",
	"MagneticFieldStrength": 3,
	"ImagingFrequency": 123.26,
	"Manufacturer": "Siemens",
	"ManufacturersModelName": "DicomCleaner",
	"DeviceSerialNumber": "35270",
	"PatientPosition": "HFS",
	"ProcedureStepDescription": "MR Head",
	"SoftwareVersions": "Wed Dec 18 15:38:40 EST 2019",
	"MRAcquisitionType": "3D",
	"SeriesDescription": "TOF 3D multi-slab high-res",
	"ProtocolName": "TOF 3D multi-slab high-res",
	"ScanningSequence": "GR",
	"SequenceVariant": "TOF\\SP\\OSP",
	"ScanOptions": "PFP\\SAT1",
	"SequenceName": "*fl3d1r_t70",
	"ImageType": ["ORIGINAL", "PRIMARY", "M", "ND", "NORM"],
	"NonlinearGradientCorrection": false,
	"SeriesNumber": 5,
	"AcquisitionTime": "09:47:45.295000",
	"AcquisitionNumber": 1,
	"ImageComments": "HC",
	"SliceThickness": 0.45,
	"SAR": 0.485983,
	"EchoTime": 0.0042,
	"RepetitionTime": 0.023,
	"SpoilingState": true,
	"FlipAngle": 15,
	"PercentPhaseFOV": 100,
	"PercentSampling": 100,
	"PhaseEncodingSteps": 263,
	"AcquisitionMatrixPE": 256,
	"ReconMatrixPE": 512,
	"PixelBandwidth": 188,
	"ImageOrientationPatientDICOM": [
		0.999767,
		0.000787568,
		0.0215788,
		1.92335e-10,
		0.999335,
		-0.0364731	],
	"InPlanePhaseEncodingDirectionDICOM": "ROW",
	"ConversionSoftware": "dcm2niix",
	"ConversionSoftwareVersion": "v1.0.20220720"
}
