{
	"Modality": "MR",
	"MagneticFieldStrength": 1.5,
	"ImagingFrequency": 63.6307,
	"Manufacturer": "Siemens",
	"ManufacturersModelName": "Avanto",
	"DeviceSerialNumber": "25068",
	"StationName": "RBWHMR1",
	"PatientPosition": "HFS",
	"ProcedureStepDescription": "MR Head",
	"SoftwareVersions": "syngo MR B17",
	"MRAcquisitionType": "3D",
	"SeriesDescription": "tof fl3d we tra",
	"ProtocolName": "tof fl3d we tra",
	"ScanningSequence": "GR",
	"SequenceVariant": "TOF\\MTC\\SP",
	"ScanOptions": "PFP\\SAT1\\MT",
	"SequenceName": "fl3d1r_t70",
	"ImageType": ["ORIGINAL", "PRIMARY", "M", "ND"],
	"NonlinearGradientCorrection": false,
	"SeriesNumber": 16,
	"AcquisitionTime": "14:54:39.085000",
	"AcquisitionNumber": 1,
	"ImageComments": "MR",
	"SliceThickness": 0.83,
	"SpacingBetweenSlices": 23.24,
	"SAR": 0.347723,
	"EchoTime": 0.00709,
	"RepetitionTime": 0.04,
	"SpoilingState": true,
	"FlipAngle": 25,
	"PercentPhaseFOV": 75,
	"PercentSampling": 50,
	"PhaseEncodingSteps": 154,
	"AcquisitionMatrixPE": 192,
	"ReconMatrixPE": 384,
	"PixelBandwidth": 65,
	"ImageOrientationPatientDICOM": [
		0.996616,
		0.0821702,
		0.00217721,
		-0.0819367,
		0.990973,
		0.106107	],
	"InPlanePhaseEncodingDirectionDICOM": "ROW",
	"ConversionSoftware": "dcm2niix",
	"ConversionSoftwareVersion": "v1.0.20220720"
}
