{
	"Modality": "MR",
	"MagneticFieldStrength": 3,
	"ImagingFrequency": 123.26,
	"Manufacturer": "Siemens",
	"ManufacturersModelName": "DicomCleaner",
	"InstitutionName": "Royal Brisbane Hospital",
	"InstitutionAddress": " ,,,AU,",
	"DeviceSerialNumber": "175683",
	"StationName": "DESKTOP-K2OR6LJ_",
	"BodyPartExamined": "BRAIN",
	"PatientPosition": "HFS",
	"ProcedureStepDescription": "Head Hi-res Angio",
	"SoftwareVersions": "Wed Dec 18 15:38:40 EST 2019",
	"MRAcquisitionType": "3D",
	"SeriesDescription": "TOF_FL3D_TRA_WHOLE HEAD",
	"ProtocolName": "tof_fl3d_tra_whole head",
	"ScanningSequence": "GR",
	"SequenceVariant": "SK",
	"ScanOptions": "CG\\RG\\PER",
	"SequenceName": "*fl3d1r2",
	"ImageType": ["ORIGINAL", "PRIMARY", "M", "NORM", "DIS2D", "MFSPLIT"],
	"NonlinearGradientCorrection": true,
	"SeriesNumber": 8001,
	"AcquisitionTime": "18:29:8.040000",
	"AcquisitionNumber": 1,
	"SliceThickness": 0.5,
	"SpacingBetweenSlices": 0.5,
	"SAR": 0.608607,
	"EchoTime": 0.00342,
	"RepetitionTime": 0.0285,
	"FlipAngle": 20,
	"CoilString": "HeadNeck_20_TCS",
	"PercentPhaseFOV": 81.25,
	"PercentSampling": 85,
	"PhaseEncodingSteps": 221,
	"AcquisitionMatrixPE": 221,
	"ReconMatrixPE": 260,
	"PixelBandwidth": 186,
	"ImageOrientationPatientDICOM": [
		0.994265,
		0.0944318,
		-0.0502054,
		-0.0897853,
		0.992075,
		0.0878999	],
	"InPlanePhaseEncodingDirectionDICOM": "ROW",
	"ConversionSoftware": "dcm2niix",
	"ConversionSoftwareVersion": "v1.0.20220720"
}
