{
	"Modality": "MR",
	"MagneticFieldStrength": 1.5,
	"ImagingFrequency": 63.6716,
	"Manufacturer": "Siemens",
	"ManufacturersModelName": "Avanto",
	"DeviceSerialNumber": "25543",
	"StationName": "SCHMRC",
	"PatientPosition": "HFS",
	"ProcedureStepDescription": "SCH-MRI ANGIOGRAM",
	"SoftwareVersions": "syngo MR B17",
	"MRAcquisitionType": "3D",
	"SeriesDescription": "ToF_fi3d_tra-m-slab_hi res",
	"ProtocolName": "ToF_fi3d_tra-m-slab_hi res",
	"ScanningSequence": "GR",
	"SequenceVariant": "TOF\\MTC\\SP\\OSP",
	"ScanOptions": "PFP\\SAT1\\MT",
	"SequenceName": "fl3d1r_t70",
	"ImageType": ["ORIGINAL", "PRIMARY", "M", "ND", "NORM"],
	"NonlinearGradientCorrection": false,
	"SeriesNumber": 8,
	"AcquisitionTime": "15:19:57.382500",
	"AcquisitionNumber": 1,
	"SliceThickness": 0.6,
	"SpacingBetweenSlices": 16.8,
	"SAR": 0.338911,
	"EchoTime": 0.00712,
	"RepetitionTime": 0.039,
	"SpoilingState": true,
	"FlipAngle": 30,
	"PercentPhaseFOV": 75,
	"PercentSampling": 67,
	"PhaseEncodingSteps": 242,
	"AcquisitionMatrixPE": 257,
	"ReconMatrixPE": 384,
	"PixelBandwidth": 65,
	"ImageOrientationPatientDICOM": [
		0.999313,
		-0.00929062,
		0.0358843,
		8.26316e-11,
		0.96808,
		0.250641	],
	"InPlanePhaseEncodingDirectionDICOM": "ROW",
	"ConversionSoftware": "dcm2niix",
	"ConversionSoftwareVersion": "v1.0.20220720"
}
