{
	"Modality": "MR",
	"MagneticFieldStrength": 3,
	"ImagingFrequency": 123.26,
	"Manufacturer": "Siemens",
	"ManufacturersModelName": "MAGNETOM Vida",
	"DeviceSerialNumber": "175683",
	"StationName": "AWP175683",
	"BodyPartExamined": "BRAIN",
	"PatientPosition": "HFS",
	"ProcedureStepDescription": "MR Brain",
	"SoftwareVersions": "syngo MR XA11",
	"MRAcquisitionType": "3D",
	"SeriesDescription": "tof_fl3d_tra",
	"ProtocolName": "tof_fl3d_tra",
	"ScanningSequence": "GR",
	"SequenceVariant": "SK",
	"ScanOptions": "CG\\RG\\PER",
	"SequenceName": "*fl3d1r_t70",
	"ImageType": ["ORIGINAL", "PRIMARY", "M", "NORM", "DIS2D", "MFSPLIT"],
	"NonlinearGradientCorrection": true,
	"SeriesNumber": 8001,
	"AcquisitionTime": "12:48:22.977500",
	"AcquisitionNumber": 1,
	"SliceThickness": 0.44,
	"SpacingBetweenSlices": 0.44,
	"SAR": 0.57387,
	"EchoTime": 0.00413,
	"RepetitionTime": 0.025,
	"FlipAngle": 16,
	"CoilString": "HeadNeck_20_TCS",
	"PercentPhaseFOV": 100,
	"PercentSampling": 85,
	"PhaseEncodingSteps": 218,
	"AcquisitionMatrixPE": 218,
	"ReconMatrixPE": 512,
	"PixelBandwidth": 186,
	"ImageOrientationPatientDICOM": [
		0.999431,
		0.0276896,
		0.0192859,
		-0.0244256,
		0.987971,
		-0.152696	],
	"InPlanePhaseEncodingDirectionDICOM": "ROW",
	"ConversionSoftware": "dcm2niix",
	"ConversionSoftwareVersion": "v1.0.20220720"
}
