{
	"Modality": "MR",
	"MagneticFieldStrength": 1.5,
	"ImagingFrequency": 63.6308,
	"Manufacturer": "Siemens",
	"ManufacturersModelName": "DicomCleaner",
	"DeviceSerialNumber": "25068",
	"PatientPosition": "HFS",
	"ProcedureStepDescription": "MR Head",
	"SoftwareVersions": "Wed Dec 18 15:38:40 EST 2019",
	"MRAcquisitionType": "3D",
	"SeriesDescription": "tof fl3d we tra",
	"ProtocolName": "tof fl3d we tra",
	"ScanningSequence": "GR",
	"SequenceVariant": "TOF\\MTC\\SP",
	"ScanOptions": "PFP\\SAT1\\MT",
	"SequenceName": "fl3d1r_t70",
	"ImageType": ["ORIGINAL", "PRIMARY", "M", "ND"],
	"NonlinearGradientCorrection": false,
	"SeriesNumber": 12,
	"AcquisitionTime": "10:05:56.125000",
	"AcquisitionNumber": 1,
	"ImageComments": "rb",
	"SliceThickness": 0.83,
	"SpacingBetweenSlices": 16.6,
	"SAR": 0.223664,
	"EchoTime": 0.00709,
	"RepetitionTime": 0.04,
	"SpoilingState": true,
	"FlipAngle": 25,
	"PercentPhaseFOV": 75,
	"PercentSampling": 50,
	"PhaseEncodingSteps": 154,
	"AcquisitionMatrixPE": 192,
	"ReconMatrixPE": 384,
	"PixelBandwidth": 65,
	"ImageOrientationPatientDICOM": [
		0.999154,
		-0.00521377,
		0.0408031,
		1.8497e-10,
		0.991935,
		0.126748	],
	"InPlanePhaseEncodingDirectionDICOM": "ROW",
	"ConversionSoftware": "dcm2niix",
	"ConversionSoftwareVersion": "v1.0.20220720"
}
