{
	"Modality": "MR",
	"MagneticFieldStrength": 3,
	"ImagingFrequency": 123.26,
	"Manufacturer": "Siemens",
	"ManufacturersModelName": "TrioTim",
	"DeviceSerialNumber": "35270",
	"StationName": "RBWHMRTRIO",
	"PatientPosition": "HFS",
	"ProcedureStepDescription": "MR Head",
	"SoftwareVersions": "syngo MR B19",
	"MRAcquisitionType": "3D",
	"SeriesDescription": "TOF 3D multi-slab high-res",
	"ProtocolName": "TOF 3D multi-slab high-res",
	"ScanningSequence": "GR",
	"SequenceVariant": "TOF\\SP\\OSP",
	"ScanOptions": "PFP\\SAT1",
	"SequenceName": "*fl3d1r_t70",
	"ImageType": ["ORIGINAL", "PRIMARY", "M", "ND", "NORM"],
	"NonlinearGradientCorrection": false,
	"SeriesNumber": 5,
	"AcquisitionTime": "09:49:43.280000",
	"AcquisitionNumber": 1,
	"ImageComments": "HC",
	"SliceThickness": 0.3,
	"SAR": 0.546678,
	"EchoTime": 0.0042,
	"RepetitionTime": 0.023,
	"SpoilingState": true,
	"FlipAngle": 15,
	"PercentPhaseFOV": 100,
	"PercentSampling": 100,
	"PhaseEncodingSteps": 263,
	"AcquisitionMatrixPE": 256,
	"ReconMatrixPE": 512,
	"PixelBandwidth": 188,
	"ImageOrientationPatientDICOM": [
		0.999673,
		0.00412995,
		-0.0252201,
		6.5254e-11,
		0.986856,
		0.161604	],
	"InPlanePhaseEncodingDirectionDICOM": "ROW",
	"ConversionSoftware": "dcm2niix",
	"ConversionSoftwareVersion": "v1.0.20220720"
}
