{
	"Modality": "MR",
	"MagneticFieldStrength": 1.5,
	"ImagingFrequency": 63.8604,
	"Manufacturer": "GE",
	"ManufacturersModelName": "DicomCleaner",
	"DeviceSerialNumber": "0000000910274016",
	"StationName": "DESKTOP-K2OR6LJ_",
	"PatientPosition": "HFS",
	"SoftwareVersions": "Wed Dec 18 15:38:40 EST 2019",
	"MRAcquisitionType": "3D",
	"SeriesDescription": "MRA COW",
	"ProtocolName": "Brain:Routine/",
	"ScanningSequence": "GR",
	"SequenceVariant": "SS\\SP",
	"ScanOptions": "FC\\SAT_GEMS\\VB_GEMS\\MT_GEMS\\RAMP_IS_GEMS\\VASCTOF_GEMS\\PFF\\SP\\FS",
	"ImageType": ["ORIGINAL", "PRIMARY", "OTHER"],
	"SeriesNumber": 3,
	"AcquisitionTime": "11:30:54.000000",
	"AcquisitionNumber": 1,
	"SliceThickness": 1.4,
	"SpacingBetweenSlices": 0.699999,
	"SAR": 1.40117,
	"EchoTime": 0.0035,
	"RepetitionTime": 0.031,
	"SpoilingState": true,
	"FlipAngle": 20,
	"CoilString": "8HRBRAIN",
	"PercentPhaseFOV": 81,
	"PercentSampling": 100,
	"AcquisitionMatrixPE": 192,
	"ReconMatrixPE": 512,
	"PixelBandwidth": 75.1172,
	"ImageOrientationPatientDICOM": [
		1,
		-0,
		0,
		-0,
		0.999889,
		0.0149237	],
	"InPlanePhaseEncodingDirectionDICOM": "ROW",
	"ConversionSoftware": "dcm2niix",
	"ConversionSoftwareVersion": "v1.0.20220720"
}
