{
	"Modality": "MR",
	"MagneticFieldStrength": 3,
	"ImagingFrequency": 123.227,
	"Manufacturer": "Siemens",
	"ManufacturersModelName": "Skyra",
	"DeviceSerialNumber": "45696",
	"StationName": "QHRBWMRCON01",
	"BodyPartExamined": "BRAIN",
	"PatientPosition": "HFS",
	"ProcedureStepDescription": "MR Head",
	"SoftwareVersions": "syngo MR E11",
	"MRAcquisitionType": "3D",
	"SeriesDescription": "TOF_3D_p2_multi-slab COW",
	"ProtocolName": "TOF_3D_p2_multi-slab COW",
	"ScanningSequence": "GR",
	"SequenceVariant": "SP\\OSP",
	"ScanOptions": "SAT1",
	"SequenceName": "*fl3d1r_t70",
	"ImageType": ["ORIGINAL", "PRIMARY", "M", "ND", "NORM"],
	"NonlinearGradientCorrection": false,
	"SeriesNumber": 7,
	"AcquisitionTime": "16:49:21.677500",
	"AcquisitionNumber": 1,
	"SliceThickness": 0.6,
	"SpacingBetweenSlices": 17.4,
	"SAR": 0.517125,
	"EchoTime": 0.00343,
	"RepetitionTime": 0.021,
	"FlipAngle": 18,
	"PercentPhaseFOV": 90.625,
	"PercentSampling": 95,
	"PhaseEncodingSteps": 330,
	"AcquisitionMatrixPE": 331,
	"ReconMatrixPE": 696,
	"PixelBandwidth": 185,
	"ImageOrientationPatientDICOM": [
		0.996699,
		0.0478178,
		-0.065608,
		-0.0511882,
		0.997402,
		-0.0506909	],
	"InPlanePhaseEncodingDirectionDICOM": "ROW",
	"ConversionSoftware": "dcm2niix",
	"ConversionSoftwareVersion": "v1.0.20220720"
}
