{
	"Modality": "MR",
	"MagneticFieldStrength": 3,
	"ImagingFrequency": 127.764,
	"Manufacturer": "GE",
	"ManufacturersModelName": "DicomCleaner",
	"BodyPartExamined": "HEAD",
	"PatientPosition": "HFS",
	"ProcedureStepDescription": "MRI Head",
	"SoftwareVersions": "Wed Dec 18 15:38:40 EST 2019",
	"MRAcquisitionType": "3D",
	"SeriesDescription": "3D AX TOF HYPERSENSE",
	"ProtocolName": "2021 A2 Brain +C Routine",
	"ScanningSequence": "GR",
	"SequenceVariant": "SS\\SP",
	"ScanOptions": "FC\\SAT_GEMS\\EDR_GEMS\\RAMP_IS_GEMS\\HYPERSENSE_GEMS\\FILTERED_GEMS\\ACC_GEMS\\VASCTOF_GEMS\\PFF\\PFP\\SP",
	"ImageType": ["ORIGINAL", "PRIMARY", "OTHER"],
	"SeriesNumber": 5,
	"AcquisitionTime": "11:40:54.000000",
	"AcquisitionNumber": 1,
	"SliceThickness": 1,
	"SpacingBetweenSlices": 0.5,
	"SAR": 0.505086,
	"EchoTime": 0.0034,
	"RepetitionTime": 0.024,
	"SpoilingState": true,
	"FlipAngle": 25,
	"CoilString": "19HN+40PA",
	"PercentPhaseFOV": 90,
	"PercentSampling": 84,
	"AcquisitionMatrixPE": 400,
	"ReconMatrixPE": 512,
	"PixelBandwidth": 162.773,
	"ImageOrientationPatientDICOM": [
		0.996615,
		-0.0526698,
		-0.0631289,
		0.0321237,
		0.956274,
		-0.290703	],
	"InPlanePhaseEncodingDirectionDICOM": "ROW",
	"ConversionSoftware": "dcm2niix",
	"ConversionSoftwareVersion": "v1.0.20220720"
}
