{
	"Modality": "MR",
	"MagneticFieldStrength": 3,
	"ImagingFrequency": 123.176,
	"Manufacturer": "Siemens",
	"ManufacturersModelName": "Skyra",
	"DeviceSerialNumber": "46165",
	"StationName": "SCUH",
	"BodyPartExamined": "BRAIN",
	"PatientPosition": "HFS",
	"ProcedureStepDescription": "MR Face+C",
	"SoftwareVersions": "syngo MR E11",
	"MRAcquisitionType": "3D",
	"SeriesDescription": "TOF_3D_multi-slab Hi res",
	"ProtocolName": "TOF_3D_multi-slab Hi res",
	"ScanningSequence": "GR",
	"SequenceVariant": "SP\\OSP",
	"ScanOptions": "SAT1",
	"SequenceName": "*fl3d1r_t70",
	"ImageType": ["ORIGINAL", "PRIMARY", "M", "ND", "NORM"],
	"NonlinearGradientCorrection": false,
	"SeriesNumber": 15,
	"AcquisitionTime": "09:32:46.272500",
	"AcquisitionNumber": 1,
	"SliceThickness": 0.32,
	"SpacingBetweenSlices": 10.24,
	"SAR": 0.37372,
	"EchoTime": 0.00358,
	"RepetitionTime": 0.021,
	"FlipAngle": 18,
	"PercentPhaseFOV": 90.625,
	"PercentSampling": 95,
	"PhaseEncodingSteps": 330,
	"AcquisitionMatrixPE": 331,
	"ReconMatrixPE": 696,
	"PixelBandwidth": 185,
	"ImageOrientationPatientDICOM": [
		0.999507,
		2.06682e-05,
		0.0314039,
		-4.57e-12,
		1,
		-0.000658141	],
	"InPlanePhaseEncodingDirectionDICOM": "ROW",
	"ConversionSoftware": "dcm2niix",
	"ConversionSoftwareVersion": "v1.0.20220720"
}
