{
	"Modality": "MR",
	"MagneticFieldStrength": 1.5,
	"ImagingFrequency": 63.6307,
	"Manufacturer": "Siemens",
	"ManufacturersModelName": "Avanto",
	"DeviceSerialNumber": "25068",
	"StationName": "RBWHMR1",
	"PatientPosition": "HFS",
	"ProcedureStepDescription": "MR Head",
	"SoftwareVersions": "syngo MR B17",
	"MRAcquisitionType": "3D",
	"SeriesDescription": "tof_fi3d_we_tra-ipat",
	"ProtocolName": "tof_fi3d_we_tra-ipat",
	"TaskName": "ToFfl3d",
	"ScanningSequence": "GR",
	"SequenceVariant": "TOF\\MTC\\SP",
	"ScanOptions": "PFP\\SAT1\\MT",
	"SequenceName": "fl3d1r_t70",
	"ImageType": ["ORIGINAL", "PRIMARY", "M", "ND"],
	"NonlinearGradientCorrection": false,
	"SeriesNumber": 6,
	"AcquisitionTime": "12:12:1.965000",
	"AcquisitionNumber": 1,
	"ImageComments": "rj",
	"SliceThickness": 0.83,
	"SpacingBetweenSlices": 16.6,
	"SAR": 0.313653,
	"EchoTime": 0.00709,
	"RepetitionTime": 0.04,
	"SpoilingState": true,
	"FlipAngle": 25,
	"PercentPhaseFOV": 75,
	"PercentSampling": 50,
	"PhaseEncodingSteps": 153,
	"AcquisitionMatrixPE": 192,
	"ReconMatrixPE": 384,
	"PixelBandwidth": 65,
	"ImageOrientationPatientDICOM": [
		0.994036,
		-0.0551809,
		-0.0940596,
		0.0520952,
		0.99803,
		-0.0349527	],
	"InPlanePhaseEncodingDirectionDICOM": "ROW",
	"ConversionSoftware": "dcm2niix",
	"ConversionSoftwareVersion": "v1.0.20220720"
}
