{
	"Modality": "MR",
	"MagneticFieldStrength": 3,
	"ImagingFrequency": 123.227,
	"Manufacturer": "Siemens",
	"ManufacturersModelName": "DicomCleaner",
	"InstitutionName": "Enterprise PACS",
	"DeviceSerialNumber": "45162",
	"BodyPartExamined": "BRAIN",
	"PatientPosition": "HFS",
	"ProcedureStepDescription": "MR Brain with Contrast Group",
	"SoftwareVersions": "Wed Dec 18 15:38:40 EST 2019",
	"MRAcquisitionType": "3D",
	"SeriesDescription": "TOF_3D_single-slab_coiling",
	"ProtocolName": "TOF_3D_single-slab_coiling",
	"ScanningSequence": "GR",
	"SequenceVariant": "SP\\OSP",
	"ScanOptions": "SAT1",
	"SequenceName": "*fl3d1r_t70",
	"ImageType": ["ORIGINAL", "PRIMARY", "M", "ND", "NORM"],
	"NonlinearGradientCorrection": false,
	"SeriesNumber": 18,
	"AcquisitionTime": "13:40:52.270000",
	"AcquisitionNumber": 1,
	"SliceThickness": 0.45,
	"SAR": 0.489189,
	"EchoTime": 0.00348,
	"RepetitionTime": 0.022,
	"FlipAngle": 18,
	"PercentPhaseFOV": 90.625,
	"PercentSampling": 90,
	"PhaseEncodingSteps": 314,
	"AcquisitionMatrixPE": 313,
	"ReconMatrixPE": 348,
	"PixelBandwidth": 335,
	"ImageOrientationPatientDICOM": [
		0.997491,
		0.028619,
		0.0647476,
		-0.0217653,
		0.99432,
		-0.104186	],
	"InPlanePhaseEncodingDirectionDICOM": "ROW",
	"ConversionSoftware": "dcm2niix",
	"ConversionSoftwareVersion": "v1.0.20220720"
}
