{
	"Modality": "MR",
	"MagneticFieldStrength": 3,
	"ImagingFrequency": 123.227,
	"Manufacturer": "Siemens",
	"ManufacturersModelName": "DicomCleaner",
	"InstitutionName": "Enterprise PACS",
	"DeviceSerialNumber": "45162",
	"BodyPartExamined": "BRAIN",
	"PatientPosition": "HFS",
	"ProcedureStepDescription": "MR Brain with Contrast Group",
	"SoftwareVersions": "Wed Dec 18 15:38:40 EST 2019",
	"MRAcquisitionType": "3D",
	"SeriesDescription": "TOF_3D_multi-slab COW",
	"ProtocolName": "TOF_3D_multi-slab COW",
	"ScanningSequence": "GR",
	"SequenceVariant": "SP\\OSP",
	"ScanOptions": "SAT1",
	"SequenceName": "*fl3d1r_t70",
	"ImageType": ["ORIGINAL", "PRIMARY", "M", "ND", "NORM"],
	"NonlinearGradientCorrection": false,
	"SeriesNumber": 7,
	"AcquisitionTime": "13:29:28.582500",
	"AcquisitionNumber": 1,
	"SliceThickness": 0.5,
	"SpacingBetweenSlices": 14.5,
	"SAR": 0.490284,
	"EchoTime": 0.00359,
	"RepetitionTime": 0.022,
	"FlipAngle": 18,
	"PercentPhaseFOV": 75,
	"PercentSampling": 95,
	"PhaseEncodingSteps": 327,
	"AcquisitionMatrixPE": 274,
	"ReconMatrixPE": 576,
	"PixelBandwidth": 185,
	"ImageOrientationPatientDICOM": [
		0.996837,
		0.0151372,
		0.0780225,
		-0.00173981,
		0.985616,
		-0.168992	],
	"InPlanePhaseEncodingDirectionDICOM": "ROW",
	"ConversionSoftware": "dcm2niix",
	"ConversionSoftwareVersion": "v1.0.20220720"
}
