{
	"Modality": "MR",
	"MagneticFieldStrength": 3,
	"ImagingFrequency": 127.753,
	"Manufacturer": "Philips",
	"ManufacturersModelName": "Ingenia",
	"DeviceSerialNumber": "42387",
	"StationName": "PHILIPS-JVUKN1C",
	"BodyPartExamined": "BRAIN",
	"PatientPosition": "HFS",
	"ProcedureStepDescription": "MR Brain Angiogram",
	"SoftwareVersions": "5.3.1\\5.3.1.2",
	"MRAcquisitionType": "3D",
	"SeriesDescription": "MRA TOF COW-HR",
	"ProtocolName": "MRA TOF COW-HR",
	"ScanningSequence": "GR",
	"SequenceVariant": "SP",
	"ScanOptions": "SP",
	"ImageType": ["ORIGINAL", "PRIMARY", "M", "FFE", "M", "FFE"],
	"SeriesNumber": 401,
	"AcquisitionTime": "10:17:49.040000",
	"AcquisitionNumber": 4,
	"PhilipsRescaleSlope": 1,
	"PhilipsRescaleIntercept": 0,
	"PhilipsScaleSlope": 0.0556917,
	"UsePhilipsFloatNotDisplayScaling": 1,
	"SliceThickness": 0.6,
	"SpacingBetweenSlices": 0.3,
	"SAR": 0.345533,
	"EchoTime": 0.003454,
	"RepetitionTime": 0.018,
	"FlipAngle": 18,
	"CoilString": "MULTI COIL",
	"PercentPhaseFOV": 100,
	"PercentSampling": 78.5398,
	"PhaseEncodingSteps": 276,
	"AcquisitionMatrixPE": 276,
	"ReconMatrixPE": 640,
	"AcquisitionDuration": 513.45,
	"PixelBandwidth": 145,
	"ImageOrientationPatientDICOM": [
		0.999859,
		-0.00139337,
		-0.0167557,
		0.00315658,
		0.994396,
		0.10567	],
	"InPlanePhaseEncodingDirectionDICOM": "ROW",
	"ConversionSoftware": "dcm2niix",
	"ConversionSoftwareVersion": "v1.0.20220720"
}
