{
	"Modality": "MR",
	"MagneticFieldStrength": 3,
	"ImagingFrequency": 127.741,
	"Manufacturer": "GE",
	"ManufacturersModelName": "DISCOVERY MR750w",
	"DeviceSerialNumber": "0000083104203907",
	"StationName": "GEHCGEHC",
	"BodyPartExamined": "HEAD",
	"PatientPosition": "FFS",
	"ProcedureStepDescription": "CMR-MRI BRAIN",
	"SoftwareVersions": "27\\LX\\MR Software release:DV25.1_R03_1802.a",
	"MRAcquisitionType": "3D",
	"SeriesDescription": "MRA COW",
	"ProtocolName": "1. Brain Routine NO EXTR",
	"ScanningSequence": "GR",
	"SequenceVariant": "SS\\SP",
	"ScanOptions": "FC\\SAT_GEMS\\EDR_GEMS\\RAMP_IS_GEMS\\ART_GEMS\\ACC_GEMS\\VASCTOF_GEMS\\PFF\\SP",
	"ImageType": ["ORIGINAL", "PRIMARY", "OTHER"],
	"SeriesNumber": 10,
	"AcquisitionTime": "15:27:47.000000",
	"AcquisitionNumber": 1,
	"SliceThickness": 1,
	"SpacingBetweenSlices": 0.5,
	"SAR": 0.225139,
	"EchoTime": 0.0057,
	"RepetitionTime": 0.024,
	"SpoilingState": true,
	"FlipAngle": 12,
	"CoilString": "Head 24",
	"PercentPhaseFOV": 88,
	"PercentSampling": 100,
	"AcquisitionMatrixPE": 224,
	"ReconMatrixPE": 512,
	"PixelBandwidth": 139.492,
	"ImageOrientationPatientDICOM": [
		0.999018,
		0.00546753,
		0.0439601,
		-0.00848137,
		0.997604,
		0.0686669	],
	"InPlanePhaseEncodingDirectionDICOM": "ROW",
	"ConversionSoftware": "dcm2niix",
	"ConversionSoftwareVersion": "v1.0.20220720"
}
