{
	"Modality": "MR",
	"MagneticFieldStrength": 3,
	"ImagingFrequency": 123.26,
	"Manufacturer": "Siemens",
	"ManufacturersModelName": "DicomCleaner",
	"InstitutionName": "Royal Brisbane Hospital",
	"InstitutionAddress": " ,,,AU,",
	"DeviceSerialNumber": "175683",
	"StationName": "DESKTOP-K2OR6LJ_",
	"BodyPartExamined": "BRAIN",
	"PatientPosition": "HFS",
	"ProcedureStepDescription": "Head Tumour",
	"SoftwareVersions": "Wed Dec 18 15:38:40 EST 2019",
	"MRAcquisitionType": "3D",
	"SeriesDescription": "TOF_FL3D_TRA",
	"ProtocolName": "tof_fl3d_tra",
	"ScanningSequence": "GR",
	"SequenceVariant": "SK",
	"ScanOptions": "CG\\RG\\PER",
	"SequenceName": "*fl3d1r",
	"ImageType": ["ORIGINAL", "PRIMARY", "M", "NORM", "DIS2D", "MFSPLIT"],
	"NonlinearGradientCorrection": true,
	"SeriesNumber": 10001,
	"AcquisitionTime": "15:27:1.830000",
	"AcquisitionNumber": 1,
	"SliceThickness": 0.4,
	"SpacingBetweenSlices": 0.4,
	"SAR": 0.534805,
	"EchoTime": 0.00401,
	"RepetitionTime": 0.022,
	"FlipAngle": 19,
	"CoilString": "HeadNeck_20_TCS",
	"PercentPhaseFOV": 100,
	"PercentSampling": 90,
	"PhaseEncodingSteps": 230,
	"AcquisitionMatrixPE": 230,
	"ReconMatrixPE": 512,
	"PixelBandwidth": 186,
	"ImageOrientationPatientDICOM": [
		0.993082,
		0.0954136,
		-0.0684426,
		-0.108344,
		0.969287,
		-0.220781	],
	"InPlanePhaseEncodingDirectionDICOM": "ROW",
	"ConversionSoftware": "dcm2niix",
	"ConversionSoftwareVersion": "v1.0.20220720"
}
