{
	"Modality": "MR",
	"MagneticFieldStrength": 3,
	"ImagingFrequency": 123.247,
	"Manufacturer": "Siemens",
	"ManufacturersModelName": "DicomCleaner",
	"DeviceSerialNumber": "40517",
	"PatientPosition": "HFS",
	"ProcedureStepDescription": "Brain-TTH^Routine",
	"SoftwareVersions": "Wed Dec 18 15:38:40 EST 2019",
	"MRAcquisitionType": "3D",
	"SeriesDescription": "TOF MRA",
	"ProtocolName": "TOF MRA",
	"ScanningSequence": "GR",
	"SequenceVariant": "TOF\\SP\\OSP",
	"ScanOptions": "SAT1",
	"SequenceName": "*fl3d1r_t70",
	"ImageType": ["ORIGINAL", "PRIMARY", "M", "ND", "NORM"],
	"NonlinearGradientCorrection": false,
	"SeriesNumber": 6,
	"AcquisitionTime": "09:55:12.150000",
	"AcquisitionNumber": 1,
	"SliceThickness": 0.7,
	"SpacingBetweenSlices": 20.3,
	"SAR": 0.400751,
	"EchoTime": 0.0036,
	"RepetitionTime": 0.022,
	"SpoilingState": true,
	"FlipAngle": 18,
	"PercentPhaseFOV": 80.7292,
	"PercentSampling": 95,
	"PhaseEncodingSteps": 294,
	"AcquisitionMatrixPE": 294,
	"ReconMatrixPE": 620,
	"PixelBandwidth": 186,
	"ImageOrientationPatientDICOM": [
		0.999804,
		0.0156669,
		0.0120964,
		-0.0104703,
		0.93725,
		-0.3485	],
	"InPlanePhaseEncodingDirectionDICOM": "ROW",
	"ConversionSoftware": "dcm2niix",
	"ConversionSoftwareVersion": "v1.0.20220720"
}
