{
	"Modality": "MR",
	"MagneticFieldStrength": 1.5,
	"ImagingFrequency": 63.6879,
	"Manufacturer": "Siemens",
	"ManufacturersModelName": "Avanto",
	"DeviceSerialNumber": "25543",
	"StationName": "IMED",
	"PatientPosition": "HFS",
	"ProcedureStepDescription": "SCH-MRI HEAD STROKE PROTOCOL",
	"SoftwareVersions": "syngo MR B19",
	"MRAcquisitionType": "3D",
	"SeriesDescription": "ToF_fi3d_tra-m-slab",
	"ProtocolName": "ToF_fi3d_tra-m-slab",
	"TaskName": "ToFfi3d",
	"ScanningSequence": "GR",
	"SequenceVariant": "TOF\\MTC\\SP\\OSP",
	"ScanOptions": "PFP\\SAT1\\MT",
	"SequenceName": "*fl3d1r_t70",
	"ImageType": ["ORIGINAL", "PRIMARY", "M", "ND", "NORM"],
	"NonlinearGradientCorrection": false,
	"SeriesNumber": 6,
	"AcquisitionTime": "14:04:28.615000",
	"AcquisitionNumber": 1,
	"SliceThickness": 0.7,
	"SpacingBetweenSlices": 19.6,
	"SAR": 0.467331,
	"EchoTime": 0.00712,
	"RepetitionTime": 0.036,
	"SpoilingState": true,
	"FlipAngle": 30,
	"PercentPhaseFOV": 70.0893,
	"PercentSampling": 60,
	"PhaseEncodingSteps": 151,
	"AcquisitionMatrixPE": 188,
	"ReconMatrixPE": 314,
	"PixelBandwidth": 80,
	"ImageOrientationPatientDICOM": [
		0.998014,
		0.0438742,
		-0.0451918,
		-0.0505572,
		0.985932,
		-0.159318	],
	"InPlanePhaseEncodingDirectionDICOM": "ROW",
	"ConversionSoftware": "dcm2niix",
	"ConversionSoftwareVersion": "v1.0.20220720"
}
