{
	"Modality": "MR",
	"MagneticFieldStrength": 1.5,
	"ImagingFrequency": 63.8648,
	"Manufacturer": "GE",
	"ManufacturersModelName": "Signa HDxt",
	"DeviceSerialNumber": "0000000910274013",
	"StationName": "QXRDOMMR",
	"PatientPosition": "HFS",
	"SoftwareVersions": "15\\LX\\MR Software release:15.0_M4A_0947.a",
	"MRAcquisitionType": "3D",
	"SeriesDescription": "3DTOF 3 SLAB HR",
	"ProtocolName": "BRAIN MRA MRV OPTIONS/3",
	"ScanningSequence": "GR",
	"SequenceVariant": "SS\\SP",
	"ScanOptions": "FC\\SAT_GEMS\\RAMP_IS_GEMS\\ACC_GEMS\\VASCTOF_GEMS\\PFF\\SP\\FS",
	"ImageType": ["ORIGINAL", "PRIMARY", "OTHER"],
	"SeriesNumber": 8,
	"AcquisitionTime": "11:12:26.000000",
	"AcquisitionNumber": 1,
	"SliceThickness": 1.2,
	"SpacingBetweenSlices": 0.6,
	"SAR": 0.467053,
	"EchoTime": 0.0035,
	"RepetitionTime": 0.022,
	"SpoilingState": true,
	"FlipAngle": 20,
	"CoilString": "8HRBRAIN",
	"PercentPhaseFOV": 100,
	"PercentSampling": 100,
	"AcquisitionMatrixPE": 224,
	"ReconMatrixPE": 512,
	"PixelBandwidth": 75.1172,
	"ImageOrientationPatientDICOM": [
		0.999372,
		0.00808753,
		-0.0344864,
		-0.015015,
		0.978598,
		-0.205235	],
	"InPlanePhaseEncodingDirectionDICOM": "COL",
	"ConversionSoftware": "dcm2niix",
	"ConversionSoftwareVersion": "v1.0.20220720"
}
