{
	"Modality": "MR",
	"MagneticFieldStrength": 1.5,
	"ImagingFrequency": 63.8515,
	"Manufacturer": "GE",
	"ManufacturersModelName": "Signa HDxt",
	"DeviceSerialNumber": "0000000910279023",
	"StationName": "QXRTVLMR",
	"PatientPosition": "HFS",
	"ProcedureStepDescription": "MRI - Brain (Con/Anaes)",
	"SoftwareVersions": "15\\LX\\MR Software release:15.0_M4A_0947.a",
	"MRAcquisitionType": "3D",
	"SeriesDescription": "3DTOF 3 SLAB HR",
	"ProtocolName": "BRAIN - MRA MRV OPTIONS/",
	"ScanningSequence": "GR",
	"SequenceVariant": "SS\\SP",
	"ScanOptions": "FC\\SAT_GEMS\\RAMP_IS_GEMS\\FILTERED_GEMS\\ACC_GEMS\\VASCTOF_GEMS\\PFF\\SP\\FS",
	"ImageType": ["ORIGINAL", "PRIMARY", "OTHER"],
	"SeriesNumber": 9,
	"AcquisitionTime": "13:37:0.000000",
	"AcquisitionNumber": 1,
	"SliceThickness": 1.2,
	"SpacingBetweenSlices": 0.6,
	"SAR": 0.440623,
	"EchoTime": 0.0035,
	"RepetitionTime": 0.022,
	"SpoilingState": true,
	"FlipAngle": 20,
	"CoilString": "HNS Head",
	"PercentPhaseFOV": 94,
	"PercentSampling": 100,
	"AcquisitionMatrixPE": 224,
	"ReconMatrixPE": 512,
	"PixelBandwidth": 75.1172,
	"ImageOrientationPatientDICOM": [
		0.999303,
		-0.0165716,
		-0.0334484,
		0.0067446,
		0.961428,
		-0.274973	],
	"InPlanePhaseEncodingDirectionDICOM": "ROW",
	"ConversionSoftware": "dcm2niix",
	"ConversionSoftwareVersion": "v1.0.20220720"
}
