{
	"Modality": "MR",
	"MagneticFieldStrength": 1.5,
	"ImagingFrequency": 63.6685,
	"Manufacturer": "Siemens",
	"ManufacturersModelName": "Avanto",
	"DeviceSerialNumber": "25543",
	"StationName": "SCHMRC",
	"PatientPosition": "HFS",
	"ProcedureStepDescription": ".-SCHI-MRI/MRA BRAIN",
	"SoftwareVersions": "syngo MR B17",
	"MRAcquisitionType": "3D",
	"SeriesDescription": "ToF_fi3d_tra-m-slab_hi res",
	"ProtocolName": "ToF_fi3d_tra-m-slab_hi res",
	"ScanningSequence": "GR",
	"SequenceVariant": "TOF\\MTC\\SP\\OSP",
	"ScanOptions": "PFP\\SAT1\\MT",
	"SequenceName": "*fl3d1r_t70",
	"ImageType": ["ORIGINAL", "PRIMARY", "M", "ND", "NORM"],
	"NonlinearGradientCorrection": false,
	"SeriesNumber": 6,
	"AcquisitionTime": "15:01:52.332500",
	"AcquisitionNumber": 1,
	"SliceThickness": 0.6,
	"SpacingBetweenSlices": 16.8,
	"SAR": 0.30062,
	"EchoTime": 0.00712,
	"RepetitionTime": 0.039,
	"SpoilingState": true,
	"FlipAngle": 30,
	"PercentPhaseFOV": 75,
	"PercentSampling": 67,
	"PhaseEncodingSteps": 242,
	"AcquisitionMatrixPE": 257,
	"ReconMatrixPE": 384,
	"PixelBandwidth": 65,
	"ImageOrientationPatientDICOM": [
		0.999735,
		-0.00181161,
		0.0229351,
		2.81361e-10,
		0.996895,
		0.0787436	],
	"InPlanePhaseEncodingDirectionDICOM": "ROW",
	"ConversionSoftware": "dcm2niix",
	"ConversionSoftwareVersion": "v1.0.20220720"
}
