{
	"Modality": "MR",
	"MagneticFieldStrength": 3,
	"ImagingFrequency": 123.261,
	"Manufacturer": "Siemens",
	"ManufacturersModelName": "MAGNETOM Vida",
	"DeviceSerialNumber": "175683",
	"StationName": "AWP175683",
	"BodyPartExamined": "BRAIN",
	"PatientPosition": "HFS",
	"ProcedureStepDescription": "MR Brain",
	"SoftwareVersions": "syngo MR XA10",
	"MRAcquisitionType": "3D",
	"SeriesDescription": "tof_fl3d_tra",
	"ProtocolName": "tof_fl3d_tra",
	"ScanningSequence": "GR",
	"SequenceVariant": "SK",
	"ScanOptions": "PER",
	"SequenceName": "*fl3d1r_t70",
	"ImageType": ["ORIGINAL", "PRIMARY", "M", "NORM", "DIS2D", "MFSPLIT"],
	"NonlinearGradientCorrection": true,
	"SeriesNumber": 11001,
	"AcquisitionTime": "11:42:55.227500",
	"AcquisitionNumber": 1,
	"SliceThickness": 0.35,
	"SpacingBetweenSlices": 0.35,
	"SAR": 0.586037,
	"EchoTime": 0.00401,
	"RepetitionTime": 0.029,
	"FlipAngle": 19,
	"CoilString": "HeadNeck_20_TCS",
	"PercentPhaseFOV": 100,
	"PercentSampling": 90,
	"PhaseEncodingSteps": 230,
	"AcquisitionMatrixPE": 230,
	"ReconMatrixPE": 512,
	"PixelBandwidth": 186,
	"ImageOrientationPatientDICOM": [
		0.998952,
		0.0181907,
		-0.0420084,
		-0.0244588,
		0.987786,
		-0.153888	],
	"InPlanePhaseEncodingDirectionDICOM": "ROW",
	"ConversionSoftware": "dcm2niix",
	"ConversionSoftwareVersion": "v1.0.20220720"
}
