{
	"Modality": "MR",
	"MagneticFieldStrength": 3,
	"ImagingFrequency": 123.223,
	"Manufacturer": "Siemens",
	"ManufacturersModelName": "Skyra",
	"DeviceSerialNumber": "45696",
	"StationName": "QHRBWMRCON01",
	"BodyPartExamined": "BRAIN",
	"PatientPosition": "HFS",
	"ProcedureStepDescription": "MR Brain",
	"SoftwareVersions": "syngo MR E11",
	"MRAcquisitionType": "3D",
	"SeriesDescription": "TOF_3D_high res",
	"ProtocolName": "TOF_3D_high res",
	"ScanningSequence": "GR",
	"SequenceVariant": "SP\\OSP",
	"ScanOptions": "SAT1",
	"SequenceName": "*fl3d1r_t70",
	"ImageType": ["ORIGINAL", "PRIMARY", "M", "ND", "NORM"],
	"NonlinearGradientCorrection": false,
	"SeriesNumber": 9,
	"AcquisitionTime": "17:44:29.267500",
	"AcquisitionNumber": 1,
	"SliceThickness": 0.5,
	"SpacingBetweenSlices": 20.5,
	"SAR": 0.361839,
	"EchoTime": 0.00399,
	"RepetitionTime": 0.022,
	"FlipAngle": 18,
	"PercentPhaseFOV": 89.8438,
	"PercentSampling": 95,
	"PhaseEncodingSteps": 262,
	"AcquisitionMatrixPE": 218,
	"ReconMatrixPE": 460,
	"PixelBandwidth": 185,
	"ImageOrientationPatientDICOM": [
		0.998891,
		0.028403,
		-0.0375409,
		-0.0406435,
		0.922717,
		-0.383328	],
	"InPlanePhaseEncodingDirectionDICOM": "ROW",
	"ConversionSoftware": "dcm2niix",
	"ConversionSoftwareVersion": "v1.0.20220720"
}
