{
	"Modality": "MR",
	"MagneticFieldStrength": 3,
	"ImagingFrequency": 127.753,
	"Manufacturer": "Philips",
	"ManufacturersModelName": "Ingenia",
	"DeviceSerialNumber": "42387",
	"StationName": "ENTERPRISE",
	"BodyPartExamined": "BRAIN",
	"PatientPosition": "HFS",
	"ProcedureStepDescription": "MR Brain Angiogram",
	"SoftwareVersions": "5.3.1\\5.3.1.0",
	"MRAcquisitionType": "3D",
	"SeriesDescription": "MRA TOF COW",
	"ProtocolName": "MRA TOF COW",
	"ScanningSequence": "GR",
	"SequenceVariant": "SP",
	"ScanOptions": "SP",
	"ImageType": ["ORIGINAL", "PRIMARY", "M", "FFE", "M", "FFE"],
	"SeriesNumber": 701,
	"AcquisitionTime": "08:25:42.110000",
	"AcquisitionNumber": 7,
	"PhilipsRescaleSlope": 1,
	"PhilipsRescaleIntercept": 0,
	"PhilipsScaleSlope": 0.0382436,
	"UsePhilipsFloatNotDisplayScaling": 1,
	"SliceThickness": 1.3,
	"SpacingBetweenSlices": 0.65,
	"SAR": 0.305676,
	"EchoTime": 0.003454,
	"RepetitionTime": 0.018,
	"FlipAngle": 18,
	"CoilString": "MULTI COIL",
	"PercentPhaseFOV": 100,
	"PercentSampling": 78.2468,
	"PhaseEncodingSteps": 268,
	"AcquisitionMatrixPE": 268,
	"ReconMatrixPE": 720,
	"AcquisitionDuration": 219.672,
	"PixelBandwidth": 362,
	"ImageOrientationPatientDICOM": [
		0.99859,
		0.0222741,
		0.0481896,
		-0.0321994,
		0.975819,
		0.216197	],
	"InPlanePhaseEncodingDirectionDICOM": "ROW",
	"ConversionSoftware": "dcm2niix",
	"ConversionSoftwareVersion": "v1.0.20220720"
}
