{
	"Modality": "MR",
	"MagneticFieldStrength": 3,
	"ImagingFrequency": 127.765,
	"Manufacturer": "Philips",
	"ManufacturersModelName": "Ingenia",
	"DeviceSerialNumber": "71994",
	"StationName": "PHILIPS-IUNU122",
	"BodyPartExamined": "BRAIN",
	"PatientPosition": "HFS",
	"ProcedureStepDescription": "MRI Scan Head",
	"SoftwareVersions": "5.4.1\\5.4.1.0",
	"MRAcquisitionType": "3D",
	"SeriesDescription": "MRA TOF COW SENSE",
	"ProtocolName": "MRA TOF COW SENSE",
	"ScanningSequence": "GR",
	"SequenceVariant": "SP",
	"ScanOptions": "SP",
	"ImageType": ["ORIGINAL", "PRIMARY", "M", "FFE", "M", "FFE"],
	"SeriesNumber": 401,
	"AcquisitionTime": "12:35:14.940000",
	"AcquisitionNumber": 4,
	"PhilipsRWVSlope": 3.77265,
	"PhilipsRWVIntercept": 0,
	"PhilipsRescaleSlope": 3.77265,
	"PhilipsRescaleIntercept": 0,
	"PhilipsScaleSlope": 0.00996577,
	"UsePhilipsFloatNotDisplayScaling": 1,
	"SliceThickness": 1.2,
	"SpacingBetweenSlices": 0.6,
	"SAR": 0.286007,
	"EchoTime": 0.003454,
	"RepetitionTime": 0.023,
	"FlipAngle": 18,
	"CoilString": "MULTI COIL",
	"PercentPhaseFOV": 100,
	"PercentSampling": 49.0874,
	"PhaseEncodingSteps": 251,
	"AcquisitionMatrixPE": 251,
	"ReconMatrixPE": 512,
	"AcquisitionDuration": 213.325,
	"PixelBandwidth": 109,
	"ImageOrientationPatientDICOM": [
		0.999899,
		-0.0114791,
		0.00832962,
		0.00885585,
		0.964067,
		0.265512	],
	"InPlanePhaseEncodingDirectionDICOM": "ROW",
	"ConversionSoftware": "dcm2niix",
	"ConversionSoftwareVersion": "v1.0.20220720"
}
