{
	"Modality": "MR",
	"MagneticFieldStrength": 3,
	"ImagingFrequency": 123.26,
	"Manufacturer": "Siemens",
	"ManufacturersModelName": "TrioTim",
	"DeviceSerialNumber": "35270",
	"StationName": "RBWHMRTRIO",
	"PatientPosition": "HFS",
	"ProcedureStepDescription": "MR Head",
	"SoftwareVersions": "syngo MR B19",
	"MRAcquisitionType": "3D",
	"SeriesDescription": "TOF 3D MULTI-SLAB HIGH-RES",
	"ProtocolName": "TOF 3D multi-slab high-res",
	"TaskName": "ToFfl3d",
	"ScanningSequence": "GR",
	"SequenceVariant": "TOF\\SP\\OSP",
	"ScanOptions": "PFP\\SAT1",
	"SequenceName": "*fl3d1r_t70",
	"ImageType": ["ORIGINAL", "PRIMARY", "M", "ND", "NORM"],
	"NonlinearGradientCorrection": false,
	"SeriesNumber": 9,
	"AcquisitionTime": "11:52:27.837500",
	"AcquisitionNumber": 1,
	"ImageComments": "JMH",
	"SliceThickness": 0.3,
	"SAR": 0.58616,
	"EchoTime": 0.0042,
	"RepetitionTime": "0.023",
	"SpoilingState": true,
	"FlipAngle": 15,
	"PercentPhaseFOV": 100,
	"PercentSampling": 100,
	"PhaseEncodingSteps": 263,
	"AcquisitionMatrixPE": 256,
	"ReconMatrixPE": 512,
	"PixelBandwidth": 188,
	"ImageOrientationPatientDICOM": [
		0.996788,
		-0.0756706,
		0.0262412,
		0.0766986,
		0.996224,
		-0.0406744	],
	"InPlanePhaseEncodingDirectionDICOM": "ROW",
	"ConversionSoftware": "dcm2niix",
	"ConversionSoftwareVersion": "v1.0.20220720"
}
