{
	"Modality": "MR",
	"MagneticFieldStrength": 3,
	"ImagingFrequency": 127.765,
	"Manufacturer": "Philips",
	"ManufacturersModelName": "DicomCleaner",
	"DeviceSerialNumber": "71214",
	"StationName": "DESKTOP-K2OR6LJ_",
	"BodyPartExamined": "BRAIN",
	"PatientPosition": "HFS",
	"ProcedureStepDescription": "MRI BRAIN",
	"SoftwareVersions": "Wed Dec 18 15:38:40 EST 2019",
	"MRAcquisitionType": "3D",
	"SeriesDescription": "MRA TOF COW",
	"ProtocolName": "MRA TOF COW",
	"ScanningSequence": "GR",
	"SequenceVariant": "SP",
	"ScanOptions": "SP",
	"ImageType": ["ORIGINAL", "PRIMARY", "M", "FFE", "M", "FFE"],
	"SeriesNumber": 601000,
	"AcquisitionTime": "15:58:18.180000",
	"AcquisitionNumber": 6,
	"PhilipsRescaleSlope": 1,
	"PhilipsRescaleIntercept": 0,
	"PhilipsScaleSlope": 0.0112293,
	"UsePhilipsFloatNotDisplayScaling": 1,
	"SliceThickness": 1.2,
	"SpacingBetweenSlices": 0.6,
	"SAR": 0.282231,
	"EchoTime": 0.003454,
	"RepetitionTime": 0.023,
	"FlipAngle": 18,
	"CoilString": "MULTI COIL",
	"PercentPhaseFOV": 100,
	"PercentSampling": 49.0874,
	"PhaseEncodingSteps": 251,
	"AcquisitionMatrixPE": 251,
	"ReconMatrixPE": 512,
	"AcquisitionDuration": 213.325,
	"PixelBandwidth": 109,
	"ImageOrientationPatientDICOM": [
		0.987666,
		0.079628,
		0.134818,
		-0.0750093,
		0.99642,
		-0.0390068	],
	"InPlanePhaseEncodingDirectionDICOM": "ROW",
	"ConversionSoftware": "dcm2niix",
	"ConversionSoftwareVersion": "v1.0.20220720"
}
