{
	"Modality": "MR",
	"MagneticFieldStrength": 3,
	"ImagingFrequency": 123.17,
	"Manufacturer": "Siemens",
	"ManufacturersModelName": "DicomCleaner",
	"InstitutionalDepartmentName": "DEFAULT",
	"DeviceSerialNumber": "175951",
	"StationName": "DESKTOP-K2OR6LJ_",
	"BodyPartExamined": "BRAIN",
	"PatientPosition": "HFS",
	"ProcedureStepDescription": "Brain 20",
	"SoftwareVersions": "Wed Dec 18 15:38:40 EST 2019",
	"MRAcquisitionType": "3D",
	"SeriesDescription": "MRA TOF CS 7.2",
	"ProtocolName": "MRA TOF CS 7.2",
	"ScanningSequence": "GR",
	"SequenceVariant": "SK",
	"ScanOptions": "CG\\RG\\PER",
	"SequenceName": "*fl3d1r",
	"ImageType": ["ORIGINAL", "PRIMARY", "M", "NORM", "DIS2D", "MFSPLIT"],
	"NonlinearGradientCorrection": true,
	"SeriesNumber": 8,
	"AcquisitionTime": "19:35:48.985000",
	"AcquisitionNumber": 1,
	"SliceThickness": 0.4,
	"SpacingBetweenSlices": 0.4,
	"SAR": 0.544387,
	"EchoTime": 0.00369,
	"RepetitionTime": 0.021,
	"FlipAngle": 20,
	"CoilString": "HeadNeck_20_TCS",
	"PercentPhaseFOV": 93.75,
	"PercentSampling": 95.1149,
	"PhaseEncodingSteps": 342,
	"AcquisitionMatrixPE": 342,
	"ReconMatrixPE": 540,
	"PixelBandwidth": 186,
	"ImageOrientationPatientDICOM": [
		0.998416,
		-0.0443491,
		0.0346285,
		0.041846,
		0.996673,
		0.0699379	],
	"InPlanePhaseEncodingDirectionDICOM": "ROW",
	"ConversionSoftware": "dcm2niix",
	"ConversionSoftwareVersion": "v1.0.20220720"
}
