{
	"Modality": "MR",
	"MagneticFieldStrength": 3,
	"ImagingFrequency": 123.24,
	"Manufacturer": "Siemens",
	"ManufacturersModelName": "DicomCleaner",
	"DeviceSerialNumber": "170084",
	"BodyPartExamined": "BRAIN",
	"PatientPosition": "HFS",
	"ProcedureStepDescription": "MRI Scan Head (Rebate - Stroke)",
	"SoftwareVersions": "Wed Dec 18 15:38:40 EST 2019",
	"MRAcquisitionType": "3D",
	"SeriesDescription": "TOF_FL3D_TRA_P2_MULTI-SLAB",
	"ProtocolName": "tof_fl3d_tra_p2_multi-slab",
	"ScanningSequence": "GR",
	"SequenceVariant": "SP\\OSP",
	"ScanOptions": "SAT1",
	"SequenceName": "*fl3d1r_t70",
	"ImageType": ["ORIGINAL", "PRIMARY", "M", "ND", "NORM", "SH4", "2", "FIL"],
	"NonlinearGradientCorrection": false,
	"SeriesNumber": 10,
	"AcquisitionTime": "19:23:17.145000",
	"AcquisitionNumber": 1,
	"SliceThickness": 0.6,
	"SpacingBetweenSlices": 0.6,
	"SAR": 0.477518,
	"EchoTime": 0.00342,
	"RepetitionTime": 0.021,
	"FlipAngle": 15,
	"PercentPhaseFOV": 90,
	"PercentSampling": 90,
	"PhaseEncodingSteps": 260,
	"AcquisitionMatrixPE": 259,
	"ReconMatrixPE": 576,
	"PixelBandwidth": 185,
	"ImageOrientationPatientDICOM": [
		0.999048,
		-0.0436194,
		0,
		0.0436194,
		0.999048,
		0	],
	"InPlanePhaseEncodingDirectionDICOM": "ROW",
	"ConversionSoftware": "dcm2niix",
	"ConversionSoftwareVersion": "v1.0.20220720"
}
