{
	"Modality": "MR",
	"MagneticFieldStrength": 3,
	"ImagingFrequency": 127.764,
	"Manufacturer": "Philips",
	"ManufacturersModelName": "DicomCleaner",
	"InstitutionName": "ENTERPRISE PACS",
	"InstitutionalDepartmentName": "Radiology",
	"InstitutionAddress": "76 Main street",
	"DeviceSerialNumber": "71214",
	"StationName": "DESKTOP-K2OR6LJ_",
	"BodyPartExamined": "BRAIN",
	"PatientPosition": "HFS",
	"ProcedureStepDescription": "MRI  Brain",
	"SoftwareVersions": "Wed Dec 18 15:38:40 EST 2019",
	"MRAcquisitionType": "3D",
	"SeriesDescription": "MRA TOF COW",
	"ProtocolName": "MRA TOF COW",
	"ScanningSequence": "GR",
	"SequenceVariant": "SP",
	"ScanOptions": "SP",
	"ImageType": ["ORIGINAL", "PRIMARY", "M", "FFE", "M", "FFE"],
	"SeriesNumber": 601000,
	"AcquisitionTime": "14:22:11.270000",
	"AcquisitionNumber": 6,
	"PhilipsRescaleSlope": 1,
	"PhilipsRescaleIntercept": 0,
	"PhilipsScaleSlope": 0.0100705,
	"UsePhilipsFloatNotDisplayScaling": 1,
	"SliceThickness": 1.2,
	"SpacingBetweenSlices": 0.6,
	"SAR": 0.279421,
	"EchoTime": 0.003454,
	"RepetitionTime": 0.023,
	"FlipAngle": 18,
	"CoilString": "MULTI COIL",
	"PercentPhaseFOV": 100,
	"PercentSampling": 49.0874,
	"PhaseEncodingSteps": 251,
	"AcquisitionMatrixPE": 251,
	"ReconMatrixPE": 512,
	"AcquisitionDuration": 213.325,
	"PixelBandwidth": 109,
	"ImageOrientationPatientDICOM": [
		0.99915,
		0.027952,
		0.030293,
		-0.0303039,
		0.996319,
		0.080186	],
	"InPlanePhaseEncodingDirectionDICOM": "ROW",
	"ConversionSoftware": "dcm2niix",
	"ConversionSoftwareVersion": "v1.0.20220720"
}
