{
	"Modality": "MR",
	"MagneticFieldStrength": 3,
	"ImagingFrequency": 123.223,
	"Manufacturer": "Siemens",
	"ManufacturersModelName": "Skyra",
	"DeviceSerialNumber": "45696",
	"StationName": "QHRBWMRCON01",
	"BodyPartExamined": "BRAIN",
	"PatientPosition": "HFS",
	"ProcedureStepDescription": "MR Brain",
	"SoftwareVersions": "syngo MR E11",
	"MRAcquisitionType": "3D",
	"SeriesDescription": "TOF_3D_high res",
	"ProtocolName": "TOF_3D_high res",
	"ScanningSequence": "GR",
	"SequenceVariant": "SP\\OSP",
	"ScanOptions": "SAT1",
	"SequenceName": "*fl3d1r_t70",
	"ImageType": ["ORIGINAL", "PRIMARY", "M", "ND", "NORM"],
	"NonlinearGradientCorrection": false,
	"SeriesNumber": 14,
	"AcquisitionTime": "11:50:59.980000",
	"AcquisitionNumber": 1,
	"SliceThickness": 0.32,
	"SpacingBetweenSlices": 12.16,
	"SAR": 0.410872,
	"EchoTime": 0.00399,
	"RepetitionTime": 0.022,
	"FlipAngle": 18,
	"PercentPhaseFOV": 89.8438,
	"PercentSampling": 95,
	"PhaseEncodingSteps": 218,
	"AcquisitionMatrixPE": 219,
	"ReconMatrixPE": 460,
	"PixelBandwidth": 185,
	"ImageOrientationPatientDICOM": [
		0.996222,
		-0.0124271,
		0.0859497,
		0.028697,
		0.981219,
		-0.190749	],
	"InPlanePhaseEncodingDirectionDICOM": "ROW",
	"ConversionSoftware": "dcm2niix",
	"ConversionSoftwareVersion": "v1.0.20220720"
}
