{
	"Modality": "MR",
	"MagneticFieldStrength": 3,
	"ImagingFrequency": 127.753,
	"Manufacturer": "Philips",
	"ManufacturersModelName": "Ingenia",
	"DeviceSerialNumber": "42387",
	"StationName": "ENTERPRISE",
	"BodyPartExamined": "BRAIN",
	"PatientPosition": "HFS",
	"ProcedureStepDescription": "MR Brain Angiogram",
	"SoftwareVersions": "5.3.1\\5.3.1.1",
	"MRAcquisitionType": "3D",
	"SeriesDescription": "MRA TOF COW-HR RBH F/U 0.3mm iso",
	"ProtocolName": "MRA TOF COW-HR RBH F/U 0.3mm iso",
	"ScanningSequence": "GR",
	"SequenceVariant": "SP",
	"ScanOptions": "SP",
	"ImageType": ["ORIGINAL", "PRIMARY", "M", "FFE", "M", "FFE"],
	"SeriesNumber": 301,
	"AcquisitionTime": "10:47:55.690000",
	"AcquisitionNumber": 3,
	"PhilipsRescaleSlope": 1,
	"PhilipsRescaleIntercept": 0,
	"PhilipsScaleSlope": 0.0349454,
	"UsePhilipsFloatNotDisplayScaling": 1,
	"SliceThickness": 0.6,
	"SpacingBetweenSlices": 0.3,
	"SAR": 0.317408,
	"EchoTime": 0.003454,
	"RepetitionTime": 0.018,
	"FlipAngle": 18,
	"CoilString": "MULTI COIL",
	"PercentPhaseFOV": 100,
	"PercentSampling": 78.5398,
	"PhaseEncodingSteps": 276,
	"AcquisitionMatrixPE": 276,
	"ReconMatrixPE": 640,
	"AcquisitionDuration": 390.24,
	"PixelBandwidth": 288,
	"ImageOrientationPatientDICOM": [
		0.997678,
		-0.064949,
		0.020486,
		0.0658932,
		0.996604,
		-0.0493895	],
	"InPlanePhaseEncodingDirectionDICOM": "ROW",
	"ConversionSoftware": "dcm2niix",
	"ConversionSoftwareVersion": "v1.0.20220720"
}
