{
	"Modality": "MR",
	"MagneticFieldStrength": 3,
	"ImagingFrequency": 123.247,
	"Manufacturer": "Siemens",
	"ManufacturersModelName": "Verio",
	"DeviceSerialNumber": "40307",
	"StationName": "RKH",
	"PatientPosition": "HFS",
	"ProcedureStepDescription": "MR Brain-C (Intracranial Aneurysm)",
	"SoftwareVersions": "syngo MR B17",
	"MRAcquisitionType": "3D",
	"SeriesDescription": "TOF_3D_multi-slab",
	"ProtocolName": "TOF_3D_multi-slab",
	"ScanningSequence": "GR",
	"SequenceVariant": "TOF\\SP\\OSP",
	"ScanOptions": "SAT1",
	"SequenceName": "*fl3d1r_t70",
	"ImageType": ["ORIGINAL", "PRIMARY", "M", "ND"],
	"NonlinearGradientCorrection": false,
	"SeriesNumber": 5,
	"AcquisitionTime": "12:23:22.067500",
	"AcquisitionNumber": 1,
	"SliceThickness": 0.45,
	"SpacingBetweenSlices": 19.8,
	"SAR": 0.36972,
	"EchoTime": 0.00443,
	"RepetitionTime": 0.023,
	"SpoilingState": true,
	"FlipAngle": 18,
	"PercentPhaseFOV": 90.625,
	"PercentSampling": 100,
	"PhaseEncodingSteps": 399,
	"AcquisitionMatrixPE": 348,
	"ReconMatrixPE": 696,
	"PixelBandwidth": 186,
	"ImageOrientationPatientDICOM": [
		0.998719,
		-2.05098e-10,
		-0.0505929,
		2.04841e-10,
		1,
		-1.02729e-11	],
	"InPlanePhaseEncodingDirectionDICOM": "ROW",
	"ConversionSoftware": "dcm2niix",
	"ConversionSoftwareVersion": "v1.0.20220720"
}
