{
	"Modality": "MR",
	"MagneticFieldStrength": 3,
	"ImagingFrequency": 123.26,
	"Manufacturer": "Siemens",
	"ManufacturersModelName": "MAGNETOM Vida",
	"DeviceSerialNumber": "175683",
	"StationName": "AWP175683",
	"BodyPartExamined": "BRAIN",
	"PatientPosition": "HFS",
	"ProcedureStepDescription": "MR Brain",
	"SoftwareVersions": "syngo MR XA11",
	"MRAcquisitionType": "3D",
	"SeriesDescription": "tof_fl3d_tra",
	"ProtocolName": "tof_fl3d_tra",
	"ScanningSequence": "GR",
	"SequenceVariant": "SK",
	"ScanOptions": "CG\\RG\\PER",
	"SequenceName": "*fl3d1r_t70",
	"ImageType": ["ORIGINAL", "PRIMARY", "M", "NORM", "DIS2D", "MFSPLIT"],
	"NonlinearGradientCorrection": true,
	"SeriesNumber": 8001,
	"AcquisitionTime": "14:07:53.717500",
	"AcquisitionNumber": 1,
	"SliceThickness": 0.4,
	"SpacingBetweenSlices": 0.4,
	"SAR": 0.733822,
	"EchoTime": 0.00401,
	"RepetitionTime": 0.022,
	"FlipAngle": 19,
	"CoilString": "HeadNeck_20_TCS",
	"PercentPhaseFOV": 100,
	"PercentSampling": 90,
	"PhaseEncodingSteps": 230,
	"AcquisitionMatrixPE": 230,
	"ReconMatrixPE": 512,
	"PixelBandwidth": 186,
	"ImageOrientationPatientDICOM": [
		0.999699,
		0.0112262,
		0.0218271,
		-0.00777166,
		0.988296,
		-0.152354	],
	"InPlanePhaseEncodingDirectionDICOM": "ROW",
	"ConversionSoftware": "dcm2niix",
	"ConversionSoftwareVersion": "v1.0.20220720"
}
