{
	"Modality": "MR",
	"MagneticFieldStrength": 1.5,
	"ImagingFrequency": 63.8819,
	"Manufacturer": "GE",
	"ManufacturersModelName": "DicomCleaner",
	"InstitutionName": "ENTERPRISE PACS",
	"InstitutionalDepartmentName": "Radiology",
	"PatientPosition": "HFS",
	"SoftwareVersions": "Wed Dec 18 15:38:40 EST 2019",
	"MRAcquisitionType": "3D",
	"SeriesDescription": "3DTOF MRA COW  (FAST)",
	"ProtocolName": "BR: NV MRA_MRV Options/5",
	"ScanningSequence": "GR",
	"SequenceVariant": "SS\\SP",
	"ScanOptions": "FC\\SAT_GEMS\\MT_GEMS\\RAMP_IS_GEMS\\FILTERED_GEMS\\ACC_GEMS\\VASCTOF_GEMS\\PFF\\SP\\FS",
	"ImageType": ["ORIGINAL", "PRIMARY", "OTHER"],
	"SeriesNumber": 3,
	"AcquisitionTime": "11:41:1.000000",
	"AcquisitionNumber": 1,
	"SliceThickness": 1.8,
	"SpacingBetweenSlices": 0.9,
	"SAR": 1.68777,
	"EchoTime": 0.0045,
	"RepetitionTime": 0.029,
	"SpoilingState": true,
	"FlipAngle": 20,
	"CoilString": "8NVHEAD NECK_A",
	"PercentPhaseFOV": 90,
	"PercentSampling": 100,
	"AcquisitionMatrixPE": 192,
	"ReconMatrixPE": 512,
	"PixelBandwidth": 54.2578,
	"ImageOrientationPatientDICOM": [
		0.998258,
		0,
		-0.0589922,
		-0.0168769,
		0.958138,
		-0.285809	],
	"InPlanePhaseEncodingDirectionDICOM": "ROW",
	"ConversionSoftware": "dcm2niix",
	"ConversionSoftwareVersion": "v1.0.20220720"
}
