{
	"Modality": "MR",
	"MagneticFieldStrength": 3,
	"ImagingFrequency": 127.765,
	"Manufacturer": "Philips",
	"ManufacturersModelName": "Ingenia",
	"DeviceSerialNumber": "71994",
	"StationName": "PHILIPS-IUNU122",
	"BodyPartExamined": "BRAIN",
	"PatientPosition": "HFS",
	"ProcedureStepDescription": "58MRI Scan Head",
	"SoftwareVersions": "5.4.1\\5.4.1.1",
	"MRAcquisitionType": "3D",
	"SeriesDescription": "MRA TOF COW SENSE",
	"ProtocolName": "MRA TOF COW SENSE",
	"ScanningSequence": "GR",
	"SequenceVariant": "SP",
	"ScanOptions": "SP",
	"ImageType": ["ORIGINAL", "PRIMARY", "M", "FFE", "M", "FFE"],
	"SeriesNumber": 301,
	"AcquisitionTime": "11:14:44.920000",
	"AcquisitionNumber": 3,
	"PhilipsRWVSlope": 4.18657,
	"PhilipsRWVIntercept": 0,
	"PhilipsRescaleSlope": 4.18657,
	"PhilipsRescaleIntercept": 0,
	"PhilipsScaleSlope": 0.00863882,
	"UsePhilipsFloatNotDisplayScaling": 1,
	"SliceThickness": 1.2,
	"SpacingBetweenSlices": 0.6,
	"SAR": 0.281554,
	"EchoTime": 0.003454,
	"RepetitionTime": 0.023,
	"FlipAngle": 18,
	"CoilString": "MULTI COIL",
	"PercentPhaseFOV": 100,
	"PercentSampling": 49.0874,
	"PhaseEncodingSteps": 251,
	"AcquisitionMatrixPE": 251,
	"ReconMatrixPE": 512,
	"AcquisitionDuration": 213.325,
	"PixelBandwidth": 109,
	"ImageOrientationPatientDICOM": [
		0.994156,
		0.0923552,
		0.0559018,
		-0.0993522,
		0.985283,
		0.139093	],
	"InPlanePhaseEncodingDirectionDICOM": "ROW",
	"ConversionSoftware": "dcm2niix",
	"ConversionSoftwareVersion": "v1.0.20220720"
}
