{
	"Modality": "MR",
	"MagneticFieldStrength": 3,
	"ImagingFrequency": 127.764,
	"Manufacturer": "Philips",
	"ManufacturersModelName": "DicomCleaner",
	"DeviceSerialNumber": "71101",
	"PatientPosition": "HFS",
	"ProcedureStepDescription": "MRI Brain/Skull/Neck",
	"MRAcquisitionType": "3D",
	"SeriesDescription": "TOF COW FAST",
	"ProtocolName": "WIP TOF COW FAST SENSE",
	"ScanningSequence": "GR",
	"SequenceVariant": "SP",
	"ScanOptions": "SP",
	"ImageType": ["ORIGINAL", "PRIMARY", "M", "FFE", "M", "FFE"],
	"SeriesNumber": 50100000,
	"AcquisitionTime": "09:33:50.210000",
	"AcquisitionNumber": 5,
	"PhilipsRescaleSlope": 8.42857,
	"PhilipsRescaleIntercept": 0,
	"PhilipsScaleSlope": 0.0190099,
	"UsePhilipsFloatNotDisplayScaling": 1,
	"SliceThickness": 0.8,
	"SpacingBetweenSlices": 0.4,
	"SAR": 0.269552,
	"EchoTime": 0.003454,
	"RepetitionTime": 0.025,
	"FlipAngle": 18,
	"CoilString": "MULTI COIL",
	"PercentPhaseFOV": 80,
	"PercentSampling": 39.2699,
	"PhaseEncodingSteps": 250,
	"AcquisitionMatrixPE": 250,
	"ReconMatrixPE": 512,
	"AcquisitionDuration": 371.625,
	"PixelBandwidth": 108,
	"ImageOrientationPatientDICOM": [
		0.999927,
		0.00448793,
		0.0112574,
		-0.00263789,
		0.987232,
		-0.159267	],
	"InPlanePhaseEncodingDirectionDICOM": "ROW",
	"ConversionSoftware": "dcm2niix",
	"ConversionSoftwareVersion": "v1.0.20220720"
}
