{
	"Modality": "MR",
	"MagneticFieldStrength": 3,
	"ImagingFrequency": 123.26,
	"Manufacturer": "Siemens",
	"ManufacturersModelName": "TrioTim",
	"DeviceSerialNumber": "35270",
	"StationName": "RBWHMRTRIO",
	"PatientPosition": "HFS",
	"ProcedureStepDescription": "MR Head Angio",
	"SoftwareVersions": "syngo MR B15",
	"MRAcquisitionType": "3D",
	"SeriesDescription": "TOF_3D_multi-slab",
	"ProtocolName": "TOF_3D_multi-slab",
	"ScanningSequence": "GR",
	"SequenceVariant": "TOF\\SP\\OSP",
	"ScanOptions": "PFP\\SAT1",
	"SequenceName": "*fl3d1r_tm",
	"ImageType": ["ORIGINAL", "PRIMARY", "M", "ND"],
	"NonlinearGradientCorrection": false,
	"SeriesNumber": 8,
	"AcquisitionTime": "11:05:11.265000",
	"AcquisitionNumber": 1,
	"ImageComments": "AS",
	"SliceThickness": 0.65,
	"SpacingBetweenSlices": 18.85,
	"SAR": 0.711699,
	"EchoTime": 0.00368,
	"RepetitionTime": 0.022,
	"SpoilingState": true,
	"FlipAngle": 18,
	"PercentPhaseFOV": 75,
	"PercentSampling": 70,
	"PhaseEncodingSteps": 177,
	"AcquisitionMatrixPE": 202,
	"ReconMatrixPE": 288,
	"PixelBandwidth": 180,
	"ImageOrientationPatientDICOM": [
		0.999311,
		0.00259802,
		0.0370307,
		1.53349e-10,
		0.997548,
		-0.0699865	],
	"InPlanePhaseEncodingDirectionDICOM": "ROW",
	"ConversionSoftware": "dcm2niix",
	"ConversionSoftwareVersion": "v1.0.20220720"
}
