{
	"Modality": "MR",
	"MagneticFieldStrength": 3,
	"ImagingFrequency": 123.26,
	"Manufacturer": "Siemens",
	"ManufacturersModelName": "MAGNETOM Vida",
	"DeviceSerialNumber": "175683",
	"StationName": "AWP175683",
	"BodyPartExamined": "BRAIN",
	"PatientPosition": "HFS",
	"ProcedureStepDescription": "MR Brain",
	"SoftwareVersions": "syngo MR XA11",
	"MRAcquisitionType": "3D",
	"SeriesDescription": "tof_fl3d_tra",
	"ProtocolName": "tof_fl3d_tra",
	"ScanningSequence": "GR",
	"SequenceVariant": "SK",
	"ScanOptions": "CG\\RG\\PER",
	"SequenceName": "*fl3d1r_t70",
	"ImageType": ["ORIGINAL", "PRIMARY", "M", "NORM", "DIS2D", "MFSPLIT"],
	"NonlinearGradientCorrection": true,
	"SeriesNumber": 9001,
	"AcquisitionTime": "13:14:8.597500",
	"AcquisitionNumber": 1,
	"SliceThickness": 0.6,
	"SpacingBetweenSlices": 0.6,
	"SAR": 0.468544,
	"EchoTime": 0.00342,
	"RepetitionTime": 0.03,
	"FlipAngle": 20,
	"CoilString": "HeadNeck_20_TCS",
	"PercentPhaseFOV": 75,
	"PercentSampling": 95,
	"PhaseEncodingSteps": 274,
	"AcquisitionMatrixPE": 274,
	"ReconMatrixPE": 576,
	"PixelBandwidth": 186,
	"ImageOrientationPatientDICOM": [
		0.99337,
		-0.0914347,
		0.0696864,
		0.097866,
		0.990629,
		-0.0952738	],
	"InPlanePhaseEncodingDirectionDICOM": "ROW",
	"ConversionSoftware": "dcm2niix",
	"ConversionSoftwareVersion": "v1.0.20220720"
}
