{
	"Modality": "MR",
	"MagneticFieldStrength": 3,
	"ImagingFrequency": 127.754,
	"Manufacturer": "Philips",
	"ManufacturersModelName": "Ingenia",
	"DeviceSerialNumber": "42387",
	"StationName": "ENTERPRISE",
	"BodyPartExamined": "BRAIN",
	"PatientPosition": "HFS",
	"ProcedureStepDescription": "MR Angiogram",
	"SoftwareVersions": "5.3.1\\5.3.1.2",
	"MRAcquisitionType": "3D",
	"SeriesDescription": "MRA TOF COW-HR",
	"ProtocolName": "MRA TOF COW-HR",
	"ScanningSequence": "GR",
	"SequenceVariant": "SP",
	"ScanOptions": "SP",
	"ImageType": ["ORIGINAL", "PRIMARY", "M", "FFE", "M", "FFE"],
	"SeriesNumber": 301,
	"AcquisitionTime": "10:25:56.270000",
	"AcquisitionNumber": 3,
	"PhilipsRescaleSlope": 1,
	"PhilipsRescaleIntercept": 0,
	"PhilipsScaleSlope": 0.055028,
	"UsePhilipsFloatNotDisplayScaling": 1,
	"SliceThickness": 0.6,
	"SpacingBetweenSlices": 0.3,
	"SAR": 0.345042,
	"EchoTime": 0.003454,
	"RepetitionTime": 0.018,
	"FlipAngle": 18,
	"CoilString": "MULTI COIL",
	"PercentPhaseFOV": 100,
	"PercentSampling": 77.6473,
	"PhaseEncodingSteps": 246,
	"AcquisitionMatrixPE": 246,
	"ReconMatrixPE": 576,
	"AcquisitionDuration": 420.3,
	"PixelBandwidth": 144,
	"ImageOrientationPatientDICOM": [
		0.996256,
		-0.083128,
		0.0237425,
		0.0815821,
		0.99486,
		0.0599791	],
	"InPlanePhaseEncodingDirectionDICOM": "ROW",
	"ConversionSoftware": "dcm2niix",
	"ConversionSoftwareVersion": "v1.0.20220720"
}
