{
	"Modality": "MR",
	"MagneticFieldStrength": 1.5,
	"ImagingFrequency": 63.6279,
	"Manufacturer": "Siemens",
	"ManufacturersModelName": "DicomCleaner",
	"DeviceSerialNumber": "52279",
	"BodyPartExamined": "BRAIN",
	"PatientPosition": "HFS",
	"ProcedureStepDescription": "MRI NR Brain",
	"SoftwareVersions": "Wed Dec 18 15:38:40 EST 2019",
	"MRAcquisitionType": "3D",
	"SeriesDescription": "TOF_3D_MULTI-SLAB_MRA",
	"ProtocolName": "TOF_3D_multi-slab_MRA",
	"ScanningSequence": "GR",
	"SequenceVariant": "SP\\OSP",
	"ScanOptions": "PFP\\SAT1",
	"SequenceName": "*fl3d1r_t70",
	"ImageType": ["ORIGINAL", "PRIMARY", "M", "NORM", "DIS2D", "SH4", "2", "FIL"],
	"NonlinearGradientCorrection": true,
	"SeriesNumber": 14,
	"AcquisitionTime": "11:05:27.202500",
	"AcquisitionNumber": 1,
	"SliceThickness": 0.5,
	"SpacingBetweenSlices": 15,
	"SAR": 0.113757,
	"EchoTime": 0.006,
	"RepetitionTime": 0.026,
	"FlipAngle": 25,
	"PercentPhaseFOV": 80.4688,
	"PercentSampling": 94,
	"PhaseEncodingSteps": 170,
	"AcquisitionMatrixPE": 194,
	"ReconMatrixPE": 412,
	"PixelBandwidth": 100,
	"ImageOrientationPatientDICOM": [
		0.994763,
		0.0510497,
		-0.0885502,
		-0.0590998,
		0.994113,
		-0.0908079	],
	"InPlanePhaseEncodingDirectionDICOM": "ROW",
	"ConversionSoftware": "dcm2niix",
	"ConversionSoftwareVersion": "v1.0.20220720"
}
